NUGET
  remote: https://www.nuget.org/api/v2
    Argu (5.2)
      FSharp.Core (>= 4.0.0.1) - restriction: >= net45
      FSharp.Core (>= 4.3.2) - restriction: && (< net45) (>= netstandard2.0)
      System.Configuration.ConfigurationManager (>= 4.4) - restriction: && (< net45) (>= netstandard2.0)
    Expecto (8.10.1) - version_in_path: true, restriction: || (>= net461) (>= netstandard2.0)
      FSharp.Core (>= 4.3.4) - restriction: || (>= net461) (>= netstandard2.0)
      Mono.Cecil (>= 0.10.3) - restriction: || (>= net461) (>= netstandard2.0)
    Expecto.FsCheck (8.10.1)
      Expecto (>= 8.10.1) - restriction: || (>= net461) (>= netstandard2.0)
      FsCheck (>= 2.13) - restriction: || (>= net461) (>= netstandard2.0)
    Expecto.VisualStudio.TestAdapter (10.0.2) - version_in_path: true
      Expecto (>= 8.0 < 9.0) - restriction: >= net461
      FSharp.Core (>= 4.0 < 5.0) - restriction: >= net461
      Microsoft.TestPlatform.ObjectModel (>= 15.0 < 16.0) - restriction: >= net461
      Mono.Cecil (>= 0.10 < 0.11) - restriction: >= net461
      Newtonsoft.Json (>= 11.0.2 < 12.0) - restriction: >= net461
    FsCheck (2.14) - restriction: || (>= net461) (>= netstandard2.0)
      FSharp.Core (>= 4.2.3) - restriction: || (>= net452) (>= netstandard1.6)
    FSharp.Core (4.6.2)
      System.Collections (>= 4.0.11) - restriction: && (< net45) (>= netstandard1.6) (< netstandard2.0)
      System.Console (>= 4.0) - restriction: && (< net45) (>= netstandard1.6) (< netstandard2.0)
      System.Diagnostics.Debug (>= 4.0.11) - restriction: && (< net45) (>= netstandard1.6) (< netstandard2.0)
      System.Diagnostics.Tools (>= 4.0.1) - restriction: && (< net45) (>= netstandard1.6) (< netstandard2.0)
      System.Globalization (>= 4.0.11) - restriction: && (< net45) (>= netstandard1.6) (< netstandard2.0)
      System.IO (>= 4.1) - restriction: && (< net45) (>= netstandard1.6) (< netstandard2.0)
      System.Linq (>= 4.1) - restriction: && (< net45) (>= netstandard1.6) (< netstandard2.0)
      System.Linq.Expressions (>= 4.1) - restriction: && (< net45) (>= netstandard1.6) (< netstandard2.0)
      System.Linq.Queryable (>= 4.0.1) - restriction: && (< net45) (>= netstandard1.6) (< netstandard2.0)
      System.Net.Requests (>= 4.0.11) - restriction: && (< net45) (>= netstandard1.6) (< netstandard2.0)
      System.Reflection (>= 4.1) - restriction: && (< net45) (>= netstandard1.6) (< netstandard2.0)
      System.Reflection.Extensions (>= 4.0.1) - restriction: && (< net45) (>= netstandard1.6) (< netstandard2.0)
      System.Resources.ResourceManager (>= 4.0.1) - restriction: && (< net45) (>= netstandard1.6) (< netstandard2.0)
      System.Runtime (>= 4.1) - restriction: && (< net45) (>= netstandard1.6) (< netstandard2.0)
      System.Runtime.Extensions (>= 4.1) - restriction: && (< net45) (>= netstandard1.6) (< netstandard2.0)
      System.Runtime.Numerics (>= 4.0.1) - restriction: && (< net45) (>= netstandard1.6) (< netstandard2.0)
      System.Text.RegularExpressions (>= 4.1) - restriction: && (< net45) (>= netstandard1.6) (< netstandard2.0)
      System.Threading (>= 4.0.11) - restriction: && (< net45) (>= netstandard1.6) (< netstandard2.0)
      System.Threading.Tasks (>= 4.0.11) - restriction: && (< net45) (>= netstandard1.6) (< netstandard2.0)
      System.Threading.Tasks.Parallel (>= 4.0.1) - restriction: && (< net45) (>= netstandard1.6) (< netstandard2.0)
      System.Threading.Thread (>= 4.0) - restriction: && (< net45) (>= netstandard1.6) (< netstandard2.0)
      System.Threading.ThreadPool (>= 4.0.10) - restriction: && (< net45) (>= netstandard1.6) (< netstandard2.0)
      System.Threading.Timer (>= 4.0.1) - restriction: && (< net45) (>= netstandard1.6) (< netstandard2.0)
    Microsoft.NETCore.Platforms (2.2) - restriction: || (&& (< monoandroid) (< monotouch) (< net45) (>= netstandard1.6) (< netstandard2.0) (< win8) (< wpa81) (< xamarintvos) (< xamarinwatchos)) (&& (< monoandroid) (< net45) (< netstandard1.2) (>= netstandard1.6) (< win8)) (&& (< monoandroid) (< net45) (< netstandard1.3) (>= netstandard1.6) (< win8) (< wpa81)) (&& (< monoandroid) (< net45) (< netstandard1.5) (>= netstandard1.6) (< win8) (< wpa81)) (>= netcoreapp2.0) (&& (>= netstandard1.6) (< portable-net45+win8+wp8+wpa81))
    Microsoft.NETCore.Targets (2.1) - restriction: || (&& (< monoandroid) (< monotouch) (< net45) (>= netstandard1.6) (< netstandard2.0) (< win8) (< wpa81) (< xamarintvos) (< xamarinwatchos)) (&& (< monoandroid) (< net45) (< netstandard1.2) (>= netstandard1.6) (< win8)) (&& (< monoandroid) (< net45) (< netstandard1.3) (>= netstandard1.6) (< win8) (< wpa81)) (&& (< monoandroid) (< net45) (< netstandard1.5) (>= netstandard1.6) (< win8) (< wpa81)) (&& (>= netstandard1.6) (< portable-net45+win8+wp8+wpa81))
    Microsoft.TestPlatform.ObjectModel (15.9.1) - version_in_path: true, restriction: >= net461
      System.Reflection.Metadata (>= 1.3) - restriction: || (>= net451) (>= netstandard1.5)
      System.Runtime.InteropServices.RuntimeInformation (>= 4.3) - restriction: >= net451
    Mono.Cecil (0.10.3) - version_in_path: true, restriction: >= net461
    Newtonsoft.Json (11.0.2) - version_in_path: true, restriction: >= net461
    runtime.debian.8-x64.runtime.native.System.Security.Cryptography.OpenSsl (4.3.3) - restriction: || (&& (< monoandroid) (< monotouch) (< net45) (>= netstandard1.6) (< netstandard2.0) (< win8) (< wpa81) (< xamarintvos) (< xamarinwatchos)) (&& (>= netstandard1.6) (< portable-net45+win8+wp8+wpa81))
    runtime.debian.9-x64.runtime.native.System.Security.Cryptography.OpenSsl (4.3.3) - restriction: || (&& (< monoandroid) (< monotouch) (< net45) (>= netstandard1.6) (< netstandard2.0) (< win8) (< wpa81) (< xamarintvos) (< xamarinwatchos)) (&& (>= netstandard1.6) (< portable-net45+win8+wp8+wpa81))
    runtime.fedora.23-x64.runtime.native.System.Security.Cryptography.OpenSsl (4.3.3) - restriction: || (&& (< monoandroid) (< monotouch) (< net45) (>= netstandard1.6) (< netstandard2.0) (< win8) (< wpa81) (< xamarintvos) (< xamarinwatchos)) (&& (>= netstandard1.6) (< portable-net45+win8+wp8+wpa81))
    runtime.fedora.24-x64.runtime.native.System.Security.Cryptography.OpenSsl (4.3.3) - restriction: || (&& (< monoandroid) (< monotouch) (< net45) (>= netstandard1.6) (< netstandard2.0) (< win8) (< wpa81) (< xamarintvos) (< xamarinwatchos)) (&& (>= netstandard1.6) (< portable-net45+win8+wp8+wpa81))
    runtime.fedora.27-x64.runtime.native.System.Security.Cryptography.OpenSsl (4.3.3) - restriction: || (&& (< monoandroid) (< monotouch) (< net45) (>= netstandard1.6) (< netstandard2.0) (< win8) (< wpa81) (< xamarintvos) (< xamarinwatchos)) (&& (>= netstandard1.6) (< portable-net45+win8+wp8+wpa81))
    runtime.fedora.28-x64.runtime.native.System.Security.Cryptography.OpenSsl (4.3.3) - restriction: || (&& (< monoandroid) (< monotouch) (< net45) (>= netstandard1.6) (< netstandard2.0) (< win8) (< wpa81) (< xamarintvos) (< xamarinwatchos)) (&& (>= netstandard1.6) (< portable-net45+win8+wp8+wpa81))
    runtime.native.System (4.3.1) - restriction: || (&& (< monoandroid) (< monotouch) (< net45) (>= netstandard1.6) (< netstandard2.0) (< win8) (< wpa81) (< xamarintvos) (< xamarinwatchos)) (&& (>= netstandard1.6) (< portable-net45+win8+wp8+wpa81))
      Microsoft.NETCore.Platforms (>= 1.1.1)
      Microsoft.NETCore.Targets (>= 1.1.3)
    runtime.native.System.Net.Http (4.3.1) - restriction: || (&& (< monoandroid) (< monotouch) (< net45) (>= netstandard1.6) (< netstandard2.0) (< win8) (< wpa81) (< xamarintvos) (< xamarinwatchos)) (&& (>= netstandard1.6) (< portable-net45+win8+wp8+wpa81))
      Microsoft.NETCore.Platforms (>= 1.1.1)
      Microsoft.NETCore.Targets (>= 1.1.3)
    runtime.native.System.Security.Cryptography.Apple (4.3.1) - restriction: || (&& (< monoandroid) (< monotouch) (< net45) (>= netstandard1.6) (< netstandard2.0) (< win8) (< wpa81) (< xamarintvos) (< xamarinwatchos)) (&& (>= netstandard1.6) (< portable-net45+win8+wp8+wpa81))
      runtime.osx.10.10-x64.runtime.native.System.Security.Cryptography.Apple (>= 4.3.1)
    runtime.native.System.Security.Cryptography.OpenSsl (4.3.3) - restriction: || (&& (< monoandroid) (< monotouch) (< net45) (>= netstandard1.6) (< netstandard2.0) (< win8) (< wpa81) (< xamarintvos) (< xamarinwatchos)) (&& (>= netstandard1.6) (< portable-net45+win8+wp8+wpa81))
      runtime.debian.8-x64.runtime.native.System.Security.Cryptography.OpenSsl (>= 4.3.3)
      runtime.debian.9-x64.runtime.native.System.Security.Cryptography.OpenSsl (>= 4.3.3)
      runtime.fedora.23-x64.runtime.native.System.Security.Cryptography.OpenSsl (>= 4.3.3)
      runtime.fedora.24-x64.runtime.native.System.Security.Cryptography.OpenSsl (>= 4.3.3)
      runtime.fedora.27-x64.runtime.native.System.Security.Cryptography.OpenSsl (>= 4.3.3)
      runtime.fedora.28-x64.runtime.native.System.Security.Cryptography.OpenSsl (>= 4.3.3)
      runtime.opensuse.13.2-x64.runtime.native.System.Security.Cryptography.OpenSsl (>= 4.3.3)
      runtime.opensuse.42.1-x64.runtime.native.System.Security.Cryptography.OpenSsl (>= 4.3.3)
      runtime.opensuse.42.3-x64.runtime.native.System.Security.Cryptography.OpenSsl (>= 4.3.3)
      runtime.osx.10.10-x64.runtime.native.System.Security.Cryptography.OpenSsl (>= 4.3.3)
      runtime.rhel.7-x64.runtime.native.System.Security.Cryptography.OpenSsl (>= 4.3.3)
      runtime.ubuntu.14.04-x64.runtime.native.System.Security.Cryptography.OpenSsl (>= 4.3.3)
      runtime.ubuntu.16.04-x64.runtime.native.System.Security.Cryptography.OpenSsl (>= 4.3.3)
      runtime.ubuntu.16.10-x64.runtime.native.System.Security.Cryptography.OpenSsl (>= 4.3.3)
      runtime.ubuntu.18.04-x64.runtime.native.System.Security.Cryptography.OpenSsl (>= 4.3.3)
    runtime.opensuse.13.2-x64.runtime.native.System.Security.Cryptography.OpenSsl (4.3.3) - restriction: || (&& (< monoandroid) (< monotouch) (< net45) (>= netstandard1.6) (< netstandard2.0) (< win8) (< wpa81) (< xamarintvos) (< xamarinwatchos)) (&& (>= netstandard1.6) (< portable-net45+win8+wp8+wpa81))
    runtime.opensuse.42.1-x64.runtime.native.System.Security.Cryptography.OpenSsl (4.3.3) - restriction: || (&& (< monoandroid) (< monotouch) (< net45) (>= netstandard1.6) (< netstandard2.0) (< win8) (< wpa81) (< xamarintvos) (< xamarinwatchos)) (&& (>= netstandard1.6) (< portable-net45+win8+wp8+wpa81))
    runtime.opensuse.42.3-x64.runtime.native.System.Security.Cryptography.OpenSsl (4.3.3) - restriction: || (&& (< monoandroid) (< monotouch) (< net45) (>= netstandard1.6) (< netstandard2.0) (< win8) (< wpa81) (< xamarintvos) (< xamarinwatchos)) (&& (>= netstandard1.6) (< portable-net45+win8+wp8+wpa81))
    runtime.osx.10.10-x64.runtime.native.System.Security.Cryptography.Apple (4.3.1) - restriction: || (&& (< monoandroid) (< monotouch) (< net45) (>= netstandard1.6) (< netstandard2.0) (< win8) (< wpa81) (< xamarintvos) (< xamarinwatchos)) (&& (>= netstandard1.6) (< portable-net45+win8+wp8+wpa81))
    runtime.osx.10.10-x64.runtime.native.System.Security.Cryptography.OpenSsl (4.3.3) - restriction: || (&& (< monoandroid) (< monotouch) (< net45) (>= netstandard1.6) (< netstandard2.0) (< win8) (< wpa81) (< xamarintvos) (< xamarinwatchos)) (&& (>= netstandard1.6) (< portable-net45+win8+wp8+wpa81))
    runtime.rhel.7-x64.runtime.native.System.Security.Cryptography.OpenSsl (4.3.3) - restriction: || (&& (< monoandroid) (< monotouch) (< net45) (>= netstandard1.6) (< netstandard2.0) (< win8) (< wpa81) (< xamarintvos) (< xamarinwatchos)) (&& (>= netstandard1.6) (< portable-net45+win8+wp8+wpa81))
    runtime.ubuntu.14.04-x64.runtime.native.System.Security.Cryptography.OpenSsl (4.3.3) - restriction: || (&& (< monoandroid) (< monotouch) (< net45) (>= netstandard1.6) (< netstandard2.0) (< win8) (< wpa81) (< xamarintvos) (< xamarinwatchos)) (&& (>= netstandard1.6) (< portable-net45+win8+wp8+wpa81))
    runtime.ubuntu.16.04-x64.runtime.native.System.Security.Cryptography.OpenSsl (4.3.3) - restriction: || (&& (< monoandroid) (< monotouch) (< net45) (>= netstandard1.6) (< netstandard2.0) (< win8) (< wpa81) (< xamarintvos) (< xamarinwatchos)) (&& (>= netstandard1.6) (< portable-net45+win8+wp8+wpa81))
    runtime.ubuntu.16.10-x64.runtime.native.System.Security.Cryptography.OpenSsl (4.3.3) - restriction: || (&& (< monoandroid) (< monotouch) (< net45) (>= netstandard1.6) (< netstandard2.0) (< win8) (< wpa81) (< xamarintvos) (< xamarinwatchos)) (&& (>= netstandard1.6) (< portable-net45+win8+wp8+wpa81))
    runtime.ubuntu.18.04-x64.runtime.native.System.Security.Cryptography.OpenSsl (4.3.3) - restriction: || (&& (< monoandroid) (< monotouch) (< net45) (>= netstandard1.6) (< netstandard2.0) (< win8) (< wpa81) (< xamarintvos) (< xamarinwatchos)) (&& (>= netstandard1.6) (< portable-net45+win8+wp8+wpa81))
    System.Buffers (4.5) - restriction: || (&& (< monoandroid) (< netstandard1.1) (>= netstandard2.0) (< win8)) (&& (>= monotouch) (>= netstandard2.0)) (&& (< net45) (>= net461) (>= netstandard2.0)) (&& (< net45) (< netcoreapp2.0) (>= netstandard2.0) (< xamarinios)) (&& (< netstandard1.1) (>= netstandard2.0) (>= win8)) (&& (>= netstandard2.0) (>= xamarintvos)) (&& (>= netstandard2.0) (>= xamarinwatchos)) (>= xamarinmac)
    System.Collections (4.3) - restriction: || (&& (< net45) (>= netstandard1.6) (< netstandard2.0)) (&& (>= netstandard1.6) (< portable-net45+win8+wp8+wpa81))
      Microsoft.NETCore.Platforms (>= 1.1) - restriction: || (&& (< monoandroid) (< monotouch) (< net45) (>= netstandard1.3) (< win8) (< wpa81) (< xamarinios) (< xamarinmac) (< xamarintvos) (< xamarinwatchos)) (&& (< monoandroid) (< net45) (>= netstandard1.0) (< netstandard1.3) (< win8) (< wp8) (< wpa81)) (< portable-net45+win8+wp8+wpa81)
      Microsoft.NETCore.Targets (>= 1.1) - restriction: || (&& (< monoandroid) (< monotouch) (< net45) (>= netstandard1.3) (< win8) (< wpa81) (< xamarinios) (< xamarinmac) (< xamarintvos) (< xamarinwatchos)) (&& (< monoandroid) (< net45) (>= netstandard1.0) (< netstandard1.3) (< win8) (< wp8) (< wpa81)) (< portable-net45+win8+wp8+wpa81)
      System.Runtime (>= 4.3) - restriction: || (&& (< monoandroid) (< monotouch) (< net45) (>= netstandard1.3) (< win8) (< wpa81) (< xamarinios) (< xamarinmac) (< xamarintvos) (< xamarinwatchos)) (&& (< monoandroid) (< net45) (>= netstandard1.0) (< netstandard1.3) (< win8) (< wp8) (< wpa81)) (< portable-net45+win8+wp8+wpa81)
    System.Collections.Concurrent (4.3) - restriction: || (&& (< monoandroid) (< monotouch) (< net45) (>= netstandard1.6) (< netstandard2.0) (< win8) (< wpa81) (< xamarintvos) (< xamarinwatchos)) (&& (< monoandroid) (< net45) (< netstandard1.3) (>= netstandard1.6) (< win8) (< wpa81)) (&& (>= netstandard1.6) (< portable-net45+win8+wpa81))
      System.Collections (>= 4.3) - restriction: || (&& (< monoandroid) (< monotouch) (< net45) (>= netstandard1.3) (< win8) (< wpa81) (< xamarinios) (< xamarinmac) (< xamarintvos) (< xamarinwatchos)) (< portable-net45+win8+wpa81)
      System.Diagnostics.Debug (>= 4.3) - restriction: || (&& (< monoandroid) (< monotouch) (< net45) (>= netstandard1.3) (< win8) (< wpa81) (< xamarinios) (< xamarinmac) (< xamarintvos) (< xamarinwatchos)) (< portable-net45+win8+wpa81)
      System.Diagnostics.Tracing (>= 4.3) - restriction: || (&& (< monoandroid) (< monotouch) (< net45) (>= netstandard1.3) (< win8) (< wpa81) (< xamarinios) (< xamarinmac) (< xamarintvos) (< xamarinwatchos)) (< portable-net45+win8+wpa81)
      System.Globalization (>= 4.3) - restriction: || (&& (< monoandroid) (< monotouch) (< net45) (>= netstandard1.3) (< win8) (< wpa81) (< xamarinios) (< xamarinmac) (< xamarintvos) (< xamarinwatchos)) (< portable-net45+win8+wpa81)
      System.Reflection (>= 4.3) - restriction: && (< monoandroid) (< monotouch) (< net45) (>= netstandard1.3) (< win8) (< wpa81) (< xamarinios) (< xamarinmac) (< xamarintvos) (< xamarinwatchos)
      System.Resources.ResourceManager (>= 4.3) - restriction: || (&& (< monoandroid) (< monotouch) (< net45) (>= netstandard1.3) (< win8) (< wpa81) (< xamarinios) (< xamarinmac) (< xamarintvos) (< xamarinwatchos)) (< portable-net45+win8+wpa81)
      System.Runtime (>= 4.3) - restriction: || (&& (< monoandroid) (< monotouch) (< net45) (>= netstandard1.3) (< win8) (< wpa81) (< xamarinios) (< xamarinmac) (< xamarintvos) (< xamarinwatchos)) (&& (< monoandroid) (< net45) (>= netstandard1.1) (< netstandard1.3) (< win8) (< wpa81)) (< portable-net45+win8+wpa81)
      System.Runtime.Extensions (>= 4.3) - restriction: || (&& (< monoandroid) (< monotouch) (< net45) (>= netstandard1.3) (< win8) (< wpa81) (< xamarinios) (< xamarinmac) (< xamarintvos) (< xamarinwatchos)) (< portable-net45+win8+wpa81)
      System.Threading (>= 4.3) - restriction: || (&& (< monoandroid) (< monotouch) (< net45) (>= netstandard1.3) (< win8) (< wpa81) (< xamarinios) (< xamarinmac) (< xamarintvos) (< xamarinwatchos)) (< portable-net45+win8+wpa81)
      System.Threading.Tasks (>= 4.3) - restriction: || (&& (< monoandroid) (< monotouch) (< net45) (>= netstandard1.3) (< win8) (< wpa81) (< xamarinios) (< xamarinmac) (< xamarintvos) (< xamarinwatchos)) (&& (< monoandroid) (< net45) (>= netstandard1.1) (< netstandard1.3) (< win8) (< wpa81)) (< portable-net45+win8+wpa81)
    System.Collections.Immutable (1.5.0) - version_in_path: true, restriction: >= net461
    System.Configuration.ConfigurationManager (4.5) - restriction: && (< net45) (>= netstandard2.0)
      System.Security.Cryptography.ProtectedData (>= 4.5) - restriction: && (< net461) (>= netstandard2.0) (< xamarinios)
      System.Security.Permissions (>= 4.5) - restriction: || (>= monoandroid) (>= monotouch) (>= net461) (>= netstandard2.0) (>= xamarintvos) (>= xamarinwatchos)
    System.Console (4.3.1) - restriction: && (< net45) (>= netstandard1.6) (< netstandard2.0)
      Microsoft.NETCore.Platforms (>= 1.1) - restriction: && (< monoandroid) (< monotouch) (< net46) (>= netstandard1.3) (< xamarinios) (< xamarinmac) (< xamarintvos) (< xamarinwatchos)
      Microsoft.NETCore.Targets (>= 1.1.2) - restriction: && (< monoandroid) (< monotouch) (< net46) (>= netstandard1.3) (< xamarinios) (< xamarinmac) (< xamarintvos) (< xamarinwatchos)
      System.IO (>= 4.3) - restriction: && (< monoandroid) (< monotouch) (< net46) (>= netstandard1.3) (< xamarinios) (< xamarinmac) (< xamarintvos) (< xamarinwatchos)
      System.Runtime (>= 4.3) - restriction: && (< monoandroid) (< monotouch) (< net46) (>= netstandard1.3) (< xamarinios) (< xamarinmac) (< xamarintvos) (< xamarinwatchos)
      System.Text.Encoding (>= 4.3) - restriction: && (< monoandroid) (< monotouch) (< net46) (>= netstandard1.3) (< xamarinios) (< xamarinmac) (< xamarintvos) (< xamarinwatchos)
    System.Diagnostics.Debug (4.3) - restriction: || (&& (< net45) (>= netstandard1.6) (< netstandard2.0)) (&& (>= netstandard1.6) (< portable-net45+win8+wp8+wpa81))
      Microsoft.NETCore.Platforms (>= 1.1) - restriction: || (&& (< monoandroid) (< monotouch) (< net45) (>= netstandard1.3) (< win8) (< wpa81) (< xamarinios) (< xamarinmac) (< xamarintvos) (< xamarinwatchos)) (&& (< monoandroid) (< net45) (>= netstandard1.0) (< netstandard1.3) (< win8) (< wp8) (< wpa81)) (< portable-net45+win8+wp8+wpa81)
      Microsoft.NETCore.Targets (>= 1.1) - restriction: || (&& (< monoandroid) (< monotouch) (< net45) (>= netstandard1.3) (< win8) (< wpa81) (< xamarinios) (< xamarinmac) (< xamarintvos) (< xamarinwatchos)) (&& (< monoandroid) (< net45) (>= netstandard1.0) (< netstandard1.3) (< win8) (< wp8) (< wpa81)) (< portable-net45+win8+wp8+wpa81)
      System.Runtime (>= 4.3) - restriction: || (&& (< monoandroid) (< monotouch) (< net45) (>= netstandard1.3) (< win8) (< wpa81) (< xamarinios) (< xamarinmac) (< xamarintvos) (< xamarinwatchos)) (&& (< monoandroid) (< net45) (>= netstandard1.0) (< netstandard1.3) (< win8) (< wp8) (< wpa81)) (< portable-net45+win8+wp8+wpa81)
    System.Diagnostics.DiagnosticSource (4.5.1) - restriction: || (&& (< monoandroid) (< monotouch) (< net45) (>= netstandard1.6) (< netstandard2.0) (< win8) (< wpa81) (< xamarintvos) (< xamarinwatchos)) (&& (>= netstandard1.6) (< portable-net45+win8+wp8+wpa81)) (&& (>= netstandard1.6) (< portable-net45+win8+wpa81))
      System.Collections (>= 4.3) - restriction: || (&& (< net45) (>= netstandard1.1) (< netstandard1.3) (< win8) (< wpa81)) (&& (< net45) (>= netstandard1.3) (< netstandard2.0) (< win8) (< wpa81))
      System.Diagnostics.Debug (>= 4.3) - restriction: && (< net45) (>= netstandard1.3) (< netstandard2.0) (< win8) (< wpa81)
      System.Diagnostics.Tracing (>= 4.3) - restriction: || (&& (< net45) (>= netstandard1.1) (< netstandard1.3) (< win8) (< wpa81)) (&& (< net45) (>= netstandard1.3) (< netstandard2.0) (< win8) (< wpa81))
      System.Reflection (>= 4.3) - restriction: || (&& (< net45) (>= netstandard1.1) (< netstandard1.3) (< win8) (< wpa81)) (&& (< net45) (>= netstandard1.3) (< netstandard2.0) (< win8) (< wpa81))
      System.Runtime (>= 4.3) - restriction: || (&& (< net45) (>= netstandard1.1) (< netstandard1.3) (< win8) (< wpa81)) (&& (< net45) (>= netstandard1.3) (< netstandard2.0) (< win8) (< wpa81))
      System.Runtime.Extensions (>= 4.3) - restriction: && (< net45) (>= netstandard1.3) (< netstandard2.0) (< win8) (< wpa81)
      System.Threading (>= 4.3) - restriction: || (&& (< net45) (>= netstandard1.1) (< netstandard1.3) (< win8) (< wpa81)) (&& (< net45) (>= netstandard1.3) (< netstandard2.0) (< win8) (< wpa81))
    System.Diagnostics.Tools (4.3) - restriction: && (< net45) (>= netstandard1.6) (< netstandard2.0)
      Microsoft.NETCore.Platforms (>= 1.1) - restriction: || (&& (< monoandroid) (< monotouch) (< net45) (>= netstandard1.0) (< win8) (< wp8) (< wpa81) (< xamarinios) (< xamarinmac) (< xamarintvos) (< xamarinwatchos)) (< portable-net45+win8+wp8+wpa81)
      Microsoft.NETCore.Targets (>= 1.1) - restriction: || (&& (< monoandroid) (< monotouch) (< net45) (>= netstandard1.0) (< win8) (< wp8) (< wpa81) (< xamarinios) (< xamarinmac) (< xamarintvos) (< xamarinwatchos)) (< portable-net45+win8+wp8+wpa81)
      System.Runtime (>= 4.3) - restriction: || (&& (< monoandroid) (< monotouch) (< net45) (>= netstandard1.0) (< win8) (< wp8) (< wpa81) (< xamarinios) (< xamarinmac) (< xamarintvos) (< xamarinwatchos)) (< portable-net45+win8+wp8+wpa81)
    System.Diagnostics.Tracing (4.3) - restriction: || (&& (< monoandroid) (< monotouch) (< net45) (>= netstandard1.6) (< netstandard2.0) (< win8) (< wpa81) (< xamarintvos) (< xamarinwatchos)) (&& (>= netstandard1.6) (< portable-net45+win8+wp8+wpa81))
      Microsoft.NETCore.Platforms (>= 1.1) - restriction: || (&& (< monoandroid) (< monotouch) (< net45) (>= netstandard1.5) (< win8) (< wpa81) (< xamarinios) (< xamarinmac) (< xamarintvos) (< xamarinwatchos)) (&& (< monoandroid) (< net45) (>= netstandard1.1) (< netstandard1.2) (< win8)) (&& (< monoandroid) (< net45) (>= netstandard1.2) (< netstandard1.3) (< win8) (< wpa81)) (&& (< monoandroid) (< net45) (>= netstandard1.3) (< netstandard1.5) (< win8) (< wpa81)) (< portable-net45+win8+wpa81)
      Microsoft.NETCore.Targets (>= 1.1) - restriction: || (&& (< monoandroid) (< monotouch) (< net45) (>= netstandard1.5) (< win8) (< wpa81) (< xamarinios) (< xamarinmac) (< xamarintvos) (< xamarinwatchos)) (&& (< monoandroid) (< net45) (>= netstandard1.1) (< netstandard1.2) (< win8)) (&& (< monoandroid) (< net45) (>= netstandard1.2) (< netstandard1.3) (< win8) (< wpa81)) (&& (< monoandroid) (< net45) (>= netstandard1.3) (< netstandard1.5) (< win8) (< wpa81)) (< portable-net45+win8+wpa81)
      System.Runtime (>= 4.3) - restriction: || (&& (< monoandroid) (< monotouch) (< net45) (>= netstandard1.5) (< win8) (< wpa81) (< xamarinios) (< xamarinmac) (< xamarintvos) (< xamarinwatchos)) (&& (< monoandroid) (< net45) (>= netstandard1.1) (< netstandard1.2) (< win8)) (&& (< monoandroid) (< net45) (>= netstandard1.2) (< netstandard1.3) (< win8) (< wpa81)) (&& (< monoandroid) (< net45) (>= netstandard1.3) (< netstandard1.5) (< win8) (< wpa81)) (< portable-net45+win8+wpa81)
    System.Globalization (4.3) - restriction: || (&& (< net45) (>= netstandard1.6) (< netstandard2.0)) (&& (>= netstandard1.6) (< portable-net45+win8+wp8+wpa81))
      Microsoft.NETCore.Platforms (>= 1.1) - restriction: || (&& (< monoandroid) (< monotouch) (< net45) (>= netstandard1.3) (< win8) (< wpa81) (< xamarinios) (< xamarinmac) (< xamarintvos) (< xamarinwatchos)) (&& (< monoandroid) (< net45) (>= netstandard1.0) (< netstandard1.3) (< win8) (< wp8) (< wpa81)) (< portable-net45+win8+wp8+wpa81)
      Microsoft.NETCore.Targets (>= 1.1) - restriction: || (&& (< monoandroid) (< monotouch) (< net45) (>= netstandard1.3) (< win8) (< wpa81) (< xamarinios) (< xamarinmac) (< xamarintvos) (< xamarinwatchos)) (&& (< monoandroid) (< net45) (>= netstandard1.0) (< netstandard1.3) (< win8) (< wp8) (< wpa81)) (< portable-net45+win8+wp8+wpa81)
      System.Runtime (>= 4.3) - restriction: || (&& (< monoandroid) (< monotouch) (< net45) (>= netstandard1.3) (< win8) (< wpa81) (< xamarinios) (< xamarinmac) (< xamarintvos) (< xamarinwatchos)) (&& (< monoandroid) (< net45) (>= netstandard1.0) (< netstandard1.3) (< win8) (< wp8) (< wpa81)) (< portable-net45+win8+wp8+wpa81)
    System.Globalization.Calendars (4.3) - restriction: || (&& (< monoandroid) (< monotouch) (< net45) (>= netstandard1.6) (< netstandard2.0) (< win8) (< wpa81) (< xamarintvos) (< xamarinwatchos)) (&& (< monoandroid) (< net45) (< netstandard1.3) (>= netstandard1.6) (< win8) (< wpa81)) (&& (< net45) (>= net46) (< netstandard1.3) (>= netstandard1.6)) (&& (< net45) (>= net46) (>= netstandard1.6) (< netstandard2.0)) (&& (>= netstandard1.6) (< portable-net45+win8+wp8+wpa81)) (&& (>= netstandard1.6) (< portable-net45+win8+wpa81))
      Microsoft.NETCore.Platforms (>= 1.1) - restriction: && (< monoandroid) (< monotouch) (< net46) (>= netstandard1.3) (< xamarinios) (< xamarinmac) (< xamarintvos) (< xamarinwatchos)
      Microsoft.NETCore.Targets (>= 1.1) - restriction: && (< monoandroid) (< monotouch) (< net46) (>= netstandard1.3) (< xamarinios) (< xamarinmac) (< xamarintvos) (< xamarinwatchos)
      System.Globalization (>= 4.3) - restriction: && (< monoandroid) (< monotouch) (< net46) (>= netstandard1.3) (< xamarinios) (< xamarinmac) (< xamarintvos) (< xamarinwatchos)
      System.Runtime (>= 4.3) - restriction: && (< monoandroid) (< monotouch) (< net46) (>= netstandard1.3) (< xamarinios) (< xamarinmac) (< xamarintvos) (< xamarinwatchos)
    System.Globalization.Extensions (4.3) - restriction: || (&& (< monoandroid) (< monotouch) (< net45) (>= netstandard1.6) (< netstandard2.0) (< win8) (< wpa81) (< xamarintvos) (< xamarinwatchos)) (&& (>= netstandard1.6) (< portable-net45+win8+wp8+wpa81))
      Microsoft.NETCore.Platforms (>= 1.1) - restriction: && (< monoandroid) (< monotouch) (< net46) (>= netstandard1.3) (< xamarinios) (< xamarinmac) (< xamarintvos) (< xamarinwatchos)
      System.Globalization (>= 4.3) - restriction: && (< monoandroid) (< monotouch) (< net46) (>= netstandard1.3) (< xamarinios) (< xamarinmac) (< xamarintvos) (< xamarinwatchos)
      System.Resources.ResourceManager (>= 4.3) - restriction: && (< monoandroid) (< monotouch) (< net46) (>= netstandard1.3) (< xamarinios) (< xamarinmac) (< xamarintvos) (< xamarinwatchos)
      System.Runtime (>= 4.3) - restriction: && (< monoandroid) (< monotouch) (< net46) (>= netstandard1.3) (< xamarinios) (< xamarinmac) (< xamarintvos) (< xamarinwatchos)
      System.Runtime.Extensions (>= 4.3) - restriction: && (< monoandroid) (< monotouch) (< net46) (>= netstandard1.3) (< xamarinios) (< xamarinmac) (< xamarintvos) (< xamarinwatchos)
      System.Runtime.InteropServices (>= 4.3) - restriction: && (< monoandroid) (< monotouch) (< net46) (>= netstandard1.3) (< xamarinios) (< xamarinmac) (< xamarintvos) (< xamarinwatchos)
    System.IO (4.3) - restriction: || (&& (< net45) (>= netstandard1.6) (< netstandard2.0)) (&& (>= netstandard1.6) (< portable-net45+win8+wp8+wpa81))
      Microsoft.NETCore.Platforms (>= 1.1) - restriction: || (&& (< monoandroid) (< monotouch) (< net45) (>= netstandard1.5) (< win8) (< wpa81) (< xamarinios) (< xamarinmac) (< xamarintvos) (< xamarinwatchos)) (&& (< monoandroid) (< net45) (>= netstandard1.0) (< netstandard1.3) (< win8) (< wp8) (< wpa81)) (&& (< monoandroid) (< net45) (>= netstandard1.3) (< netstandard1.5) (< win8) (< wpa81)) (< portable-net45+win8+wp8+wpa81)
      Microsoft.NETCore.Targets (>= 1.1) - restriction: || (&& (< monoandroid) (< monotouch) (< net45) (>= netstandard1.5) (< win8) (< wpa81) (< xamarinios) (< xamarinmac) (< xamarintvos) (< xamarinwatchos)) (&& (< monoandroid) (< net45) (>= netstandard1.0) (< netstandard1.3) (< win8) (< wp8) (< wpa81)) (&& (< monoandroid) (< net45) (>= netstandard1.3) (< netstandard1.5) (< win8) (< wpa81)) (< portable-net45+win8+wp8+wpa81)
      System.Runtime (>= 4.3) - restriction: || (&& (< monoandroid) (< monotouch) (< net45) (>= netstandard1.5) (< win8) (< wpa81) (< xamarinios) (< xamarinmac) (< xamarintvos) (< xamarinwatchos)) (&& (< monoandroid) (< net45) (>= netstandard1.0) (< netstandard1.3) (< win8) (< wp8) (< wpa81)) (&& (< monoandroid) (< net45) (>= netstandard1.3) (< netstandard1.5) (< win8) (< wpa81)) (< portable-net45+win8+wp8+wpa81)
      System.Text.Encoding (>= 4.3) - restriction: || (&& (< monoandroid) (< monotouch) (< net45) (>= netstandard1.5) (< win8) (< wpa81) (< xamarinios) (< xamarinmac) (< xamarintvos) (< xamarinwatchos)) (&& (< monoandroid) (< net45) (>= netstandard1.0) (< netstandard1.3) (< win8) (< wp8) (< wpa81)) (&& (< monoandroid) (< net45) (>= netstandard1.3) (< netstandard1.5) (< win8) (< wpa81)) (< portable-net45+win8+wp8+wpa81)
      System.Threading.Tasks (>= 4.3) - restriction: || (&& (< monoandroid) (< monotouch) (< net45) (>= netstandard1.5) (< win8) (< wpa81) (< xamarinios) (< xamarinmac) (< xamarintvos) (< xamarinwatchos)) (&& (< monoandroid) (< net45) (>= netstandard1.0) (< netstandard1.3) (< win8) (< wp8) (< wpa81)) (&& (< monoandroid) (< net45) (>= netstandard1.3) (< netstandard1.5) (< win8) (< wpa81)) (< portable-net45+win8+wp8+wpa81)
    System.IO.FileSystem (4.3) - restriction: || (&& (< monoandroid) (< monotouch) (< net45) (>= netstandard1.6) (< netstandard2.0) (< win8) (< wpa81) (< xamarintvos) (< xamarinwatchos)) (&& (>= netstandard1.6) (< portable-net45+win8+wp8+wpa81))
      Microsoft.NETCore.Platforms (>= 1.1) - restriction: && (< monoandroid) (< monotouch) (< net46) (>= netstandard1.3) (< xamarinios) (< xamarinmac) (< xamarintvos) (< xamarinwatchos)
      Microsoft.NETCore.Targets (>= 1.1) - restriction: && (< monoandroid) (< monotouch) (< net46) (>= netstandard1.3) (< xamarinios) (< xamarinmac) (< xamarintvos) (< xamarinwatchos)
      System.IO (>= 4.3) - restriction: && (< monoandroid) (< monotouch) (< net46) (>= netstandard1.3) (< xamarinios) (< xamarinmac) (< xamarintvos) (< xamarinwatchos)
      System.IO.FileSystem.Primitives (>= 4.3) - restriction: || (&& (< monoandroid) (< monotouch) (>= netstandard1.3) (< xamarinios) (< xamarinmac) (< xamarintvos) (< xamarinwatchos)) (>= net46)
      System.Runtime (>= 4.3) - restriction: && (< monoandroid) (< monotouch) (< net46) (>= netstandard1.3) (< xamarinios) (< xamarinmac) (< xamarintvos) (< xamarinwatchos)
      System.Runtime.Handles (>= 4.3) - restriction: && (< monoandroid) (< monotouch) (< net46) (>= netstandard1.3) (< xamarinios) (< xamarinmac) (< xamarintvos) (< xamarinwatchos)
      System.Text.Encoding (>= 4.3) - restriction: && (< monoandroid) (< monotouch) (< net46) (>= netstandard1.3) (< xamarinios) (< xamarinmac) (< xamarintvos) (< xamarinwatchos)
      System.Threading.Tasks (>= 4.3) - restriction: && (< monoandroid) (< monotouch) (< net46) (>= netstandard1.3) (< xamarinios) (< xamarinmac) (< xamarintvos) (< xamarinwatchos)
    System.IO.FileSystem.Primitives (4.3) - restriction: || (&& (< monoandroid) (< monotouch) (< net45) (>= netstandard1.6) (< netstandard2.0) (< win8) (< wpa81) (< xamarintvos) (< xamarinwatchos)) (&& (< net45) (>= net46) (>= netstandard1.6) (< netstandard2.0)) (&& (>= netstandard1.6) (< portable-net45+win8+wp8+wpa81))
      System.Runtime (>= 4.3) - restriction: && (< monoandroid) (< monotouch) (< net46) (>= netstandard1.3) (< xamarinios) (< xamarinmac) (< xamarintvos) (< xamarinwatchos)
    System.Linq (4.3) - restriction: || (&& (< net45) (>= netstandard1.6) (< netstandard2.0)) (&& (>= netstandard1.6) (< portable-net45+win8+wp8+wpa81))
      System.Collections (>= 4.3) - restriction: || (&& (< monoandroid) (< monotouch) (< net45) (>= netstandard1.6) (< xamarinios) (< xamarinmac) (< xamarintvos) (< xamarinwatchos)) (&& (< monoandroid) (< net45) (>= netstandard1.0) (< netstandard1.6) (< win8) (< wp8) (< wpa81)) (< portable-net45+win8+wp8+wpa81)
      System.Diagnostics.Debug (>= 4.3) - restriction: || (&& (< monoandroid) (< monotouch) (< net45) (>= netstandard1.6) (< xamarinios) (< xamarinmac) (< xamarintvos) (< xamarinwatchos)) (< portable-net45+win8+wp8+wpa81)
      System.Resources.ResourceManager (>= 4.3) - restriction: || (&& (< monoandroid) (< monotouch) (< net45) (>= netstandard1.6) (< xamarinios) (< xamarinmac) (< xamarintvos) (< xamarinwatchos)) (< portable-net45+win8+wp8+wpa81)
      System.Runtime (>= 4.3) - restriction: || (&& (< monoandroid) (< monotouch) (< net45) (>= netstandard1.6) (< xamarinios) (< xamarinmac) (< xamarintvos) (< xamarinwatchos)) (&& (< monoandroid) (< net45) (>= netstandard1.0) (< netstandard1.6) (< win8) (< wp8) (< wpa81)) (< portable-net45+win8+wp8+wpa81)
      System.Runtime.Extensions (>= 4.3) - restriction: || (&& (< monoandroid) (< monotouch) (< net45) (>= netstandard1.6) (< xamarinios) (< xamarinmac) (< xamarintvos) (< xamarinwatchos)) (< portable-net45+win8+wp8+wpa81)
    System.Linq.Expressions (4.3) - restriction: || (&& (< monoandroid) (< net45) (< netstandard1.3) (>= netstandard1.6) (< win8) (< wpa81)) (&& (< net45) (>= netstandard1.6) (< netstandard2.0)) (&& (>= netstandard1.6) (< portable-net45+win8+wp8+wpa81))
      System.Collections (>= 4.3) - restriction: || (&& (< monoandroid) (< monotouch) (< net45) (>= netstandard1.6) (< xamarinios) (< xamarinmac) (< xamarintvos) (< xamarinwatchos)) (< portable-net45+win8+wp8+wpa81)
      System.Diagnostics.Debug (>= 4.3) - restriction: || (&& (< monoandroid) (< monotouch) (< net45) (>= netstandard1.6) (< xamarinios) (< xamarinmac) (< xamarintvos) (< xamarinwatchos)) (< portable-net45+win8+wp8+wpa81)
      System.Globalization (>= 4.3) - restriction: || (&& (< monoandroid) (< monotouch) (< net45) (>= netstandard1.6) (< xamarinios) (< xamarinmac) (< xamarintvos) (< xamarinwatchos)) (< portable-net45+win8+wp8+wpa81)
      System.IO (>= 4.3) - restriction: || (&& (< monoandroid) (< monotouch) (< net45) (>= netstandard1.6) (< xamarinios) (< xamarinmac) (< xamarintvos) (< xamarinwatchos)) (< portable-net45+win8+wp8+wpa81)
      System.Linq (>= 4.3) - restriction: || (&& (< monoandroid) (< monotouch) (< net45) (>= netstandard1.6) (< xamarinios) (< xamarinmac) (< xamarintvos) (< xamarinwatchos)) (< portable-net45+win8+wp8+wpa81)
      System.ObjectModel (>= 4.3) - restriction: && (< monoandroid) (< monotouch) (< net45) (>= netstandard1.6) (< xamarinios) (< xamarinmac) (< xamarintvos) (< xamarinwatchos)
      System.Reflection (>= 4.3) - restriction: || (&& (< monoandroid) (< monotouch) (< net45) (>= netstandard1.6) (< xamarinios) (< xamarinmac) (< xamarintvos) (< xamarinwatchos)) (&& (< monoandroid) (< net45) (>= netstandard1.0) (< netstandard1.3) (< win8) (< wp8) (< wpa81)) (&& (< monoandroid) (< net45) (>= netstandard1.3) (< netstandard1.6) (< win8) (< wpa81)) (< portable-net45+win8+wp8+wpa81)
      System.Reflection.Emit (>= 4.3) - restriction: && (< monoandroid) (< monotouch) (< net45) (>= netstandard1.6) (< xamarinios) (< xamarinmac) (< xamarintvos) (< xamarinwatchos)
      System.Reflection.Emit.ILGeneration (>= 4.3) - restriction: || (&& (< monoandroid) (< monotouch) (< net45) (>= netstandard1.6) (< xamarinios) (< xamarinmac) (< xamarintvos) (< xamarinwatchos)) (< portable-net45+win8+wp8+wpa81)
      System.Reflection.Emit.Lightweight (>= 4.3) - restriction: || (&& (< monoandroid) (< monotouch) (< net45) (>= netstandard1.6) (< xamarinios) (< xamarinmac) (< xamarintvos) (< xamarinwatchos)) (< portable-net45+win8+wp8+wpa81)
      System.Reflection.Extensions (>= 4.3) - restriction: || (&& (< monoandroid) (< monotouch) (< net45) (>= netstandard1.6) (< xamarinios) (< xamarinmac) (< xamarintvos) (< xamarinwatchos)) (< portable-net45+win8+wp8+wpa81)
      System.Reflection.Primitives (>= 4.3) - restriction: || (&& (< monoandroid) (< monotouch) (< net45) (>= netstandard1.6) (< xamarinios) (< xamarinmac) (< xamarintvos) (< xamarinwatchos)) (< portable-net45+win8+wp8+wpa81)
      System.Reflection.TypeExtensions (>= 4.3) - restriction: || (&& (< monoandroid) (< monotouch) (< net45) (>= netstandard1.6) (< xamarinios) (< xamarinmac) (< xamarintvos) (< xamarinwatchos)) (< portable-net45+win8+wp8+wpa81)
      System.Resources.ResourceManager (>= 4.3) - restriction: || (&& (< monoandroid) (< monotouch) (< net45) (>= netstandard1.6) (< xamarinios) (< xamarinmac) (< xamarintvos) (< xamarinwatchos)) (< portable-net45+win8+wp8+wpa81)
      System.Runtime (>= 4.3) - restriction: || (&& (< monoandroid) (< monotouch) (< net45) (>= netstandard1.6) (< xamarinios) (< xamarinmac) (< xamarintvos) (< xamarinwatchos)) (&& (< monoandroid) (< net45) (>= netstandard1.0) (< netstandard1.3) (< win8) (< wp8) (< wpa81)) (&& (< monoandroid) (< net45) (>= netstandard1.3) (< netstandard1.6) (< win8) (< wpa81)) (< portable-net45+win8+wp8+wpa81)
      System.Runtime.Extensions (>= 4.3) - restriction: || (&& (< monoandroid) (< monotouch) (< net45) (>= netstandard1.6) (< xamarinios) (< xamarinmac) (< xamarintvos) (< xamarinwatchos)) (< portable-net45+win8+wp8+wpa81)
      System.Threading (>= 4.3) - restriction: || (&& (< monoandroid) (< monotouch) (< net45) (>= netstandard1.6) (< xamarinios) (< xamarinmac) (< xamarintvos) (< xamarinwatchos)) (< portable-net45+win8+wp8+wpa81)
    System.Linq.Queryable (4.3) - restriction: && (< net45) (>= netstandard1.6) (< netstandard2.0)
      System.Collections (>= 4.3) - restriction: || (&& (< monoandroid) (< monotouch) (< net45) (>= netstandard1.3) (< win8) (< wpa81) (< xamarinios) (< xamarinmac) (< xamarintvos) (< xamarinwatchos)) (< portable-net45+win8+wp8+wpa81)
      System.Diagnostics.Debug (>= 4.3) - restriction: || (&& (< monoandroid) (< monotouch) (< net45) (>= netstandard1.3) (< win8) (< wpa81) (< xamarinios) (< xamarinmac) (< xamarintvos) (< xamarinwatchos)) (< portable-net45+win8+wp8+wpa81)
      System.Linq (>= 4.3) - restriction: || (&& (< monoandroid) (< monotouch) (< net45) (>= netstandard1.3) (< win8) (< wpa81) (< xamarinios) (< xamarinmac) (< xamarintvos) (< xamarinwatchos)) (&& (< monoandroid) (< net45) (>= netstandard1.0) (< netstandard1.3) (< win8) (< wp8) (< wpa81)) (< portable-net45+win8+wp8+wpa81)
      System.Linq.Expressions (>= 4.3) - restriction: || (&& (< monoandroid) (< monotouch) (< net45) (>= netstandard1.3) (< win8) (< wpa81) (< xamarinios) (< xamarinmac) (< xamarintvos) (< xamarinwatchos)) (&& (< monoandroid) (< net45) (>= netstandard1.0) (< netstandard1.3) (< win8) (< wp8) (< wpa81)) (< portable-net45+win8+wp8+wpa81)
      System.Reflection (>= 4.3) - restriction: || (&& (< monoandroid) (< monotouch) (< net45) (>= netstandard1.3) (< win8) (< wpa81) (< xamarinios) (< xamarinmac) (< xamarintvos) (< xamarinwatchos)) (< portable-net45+win8+wp8+wpa81)
      System.Reflection.Extensions (>= 4.3) - restriction: || (&& (< monoandroid) (< monotouch) (< net45) (>= netstandard1.3) (< win8) (< wpa81) (< xamarinios) (< xamarinmac) (< xamarintvos) (< xamarinwatchos)) (< portable-net45+win8+wp8+wpa81)
      System.Resources.ResourceManager (>= 4.3) - restriction: || (&& (< monoandroid) (< monotouch) (< net45) (>= netstandard1.3) (< win8) (< wpa81) (< xamarinios) (< xamarinmac) (< xamarintvos) (< xamarinwatchos)) (< portable-net45+win8+wp8+wpa81)
      System.Runtime (>= 4.3) - restriction: || (&& (< monoandroid) (< monotouch) (< net45) (>= netstandard1.3) (< win8) (< wpa81) (< xamarinios) (< xamarinmac) (< xamarintvos) (< xamarinwatchos)) (&& (< monoandroid) (< net45) (>= netstandard1.0) (< netstandard1.3) (< win8) (< wp8) (< wpa81)) (< portable-net45+win8+wp8+wpa81)
    System.Memory (4.5.2) - restriction: && (< net45) (< netcoreapp2.1) (>= netstandard2.0) (< xamarinios)
      System.Buffers (>= 4.4) - restriction: || (&& (>= monoandroid) (< netstandard2.0)) (&& (< monoandroid) (< net45) (>= netstandard1.1) (< netstandard2.0) (< win8) (< wpa81)) (&& (< monoandroid) (< netstandard1.1) (>= portable-net45+win8+wpa81) (< win8)) (>= monotouch) (&& (>= net45) (< netstandard2.0)) (&& (< net45) (< netcoreapp2.0) (>= netstandard2.0)) (>= net461) (&& (< netstandard1.1) (>= win8)) (&& (< netstandard2.0) (< uap10.1) (>= wpa81)) (>= xamarinios) (>= xamarinmac) (>= xamarintvos) (>= xamarinwatchos)
      System.Numerics.Vectors (>= 4.4) - restriction: || (&& (< net45) (< netcoreapp2.0) (>= netstandard2.0) (< xamarinios) (< xamarinmac)) (>= net461)
      System.Runtime.CompilerServices.Unsafe (>= 4.5.2) - restriction: || (&& (>= monoandroid) (< netstandard2.0)) (&& (< monoandroid) (< net45) (>= netstandard1.1) (< netstandard2.0) (< win8) (< wpa81)) (&& (< monoandroid) (< netstandard1.1) (>= portable-net45+win8+wpa81) (< win8)) (>= monotouch) (&& (>= net45) (< netstandard2.0)) (&& (< net45) (< netcoreapp2.0) (>= netstandard2.0)) (>= net461) (&& (>= netcoreapp2.0) (< netcoreapp2.1)) (&& (< netstandard1.1) (>= win8)) (&& (< netstandard2.0) (>= wpa81)) (>= uap10.1) (>= xamarinios) (>= xamarinmac) (>= xamarintvos) (>= xamarinwatchos)
    System.Net.Http (4.3.4) - restriction: || (&& (< monoandroid) (< monotouch) (< net45) (>= netstandard1.6) (< netstandard2.0) (< win8) (< wpa81) (< xamarintvos) (< xamarinwatchos)) (&& (>= netstandard1.6) (< portable-net45+win8+wp8+wpa81))
      Microsoft.NETCore.Platforms (>= 1.1.1) - restriction: || (&& (< monoandroid) (< monotouch) (< net45) (>= netstandard1.6) (< xamarinios) (< xamarinmac) (< xamarintvos) (< xamarinwatchos)) (&& (< monoandroid) (< net45) (>= netstandard1.3) (< netstandard1.6) (< win8) (< wpa81)) (< portable-net45+win8+wpa81)
      runtime.native.System (>= 4.3) - restriction: && (< monoandroid) (< monotouch) (< net45) (>= netstandard1.6) (< xamarinios) (< xamarinmac) (< xamarintvos) (< xamarinwatchos)
      runtime.native.System.Net.Http (>= 4.3) - restriction: && (< monoandroid) (< monotouch) (< net45) (>= netstandard1.6) (< xamarinios) (< xamarinmac) (< xamarintvos) (< xamarinwatchos)
      runtime.native.System.Security.Cryptography.OpenSsl (>= 4.3.2) - restriction: && (< monoandroid) (< monotouch) (< net45) (>= netstandard1.6) (< xamarinios) (< xamarinmac) (< xamarintvos) (< xamarinwatchos)
      System.Collections (>= 4.3) - restriction: || (&& (< monoandroid) (< monotouch) (< net45) (>= netstandard1.6) (< xamarinios) (< xamarinmac) (< xamarintvos) (< xamarinwatchos)) (&& (< monoandroid) (< net45) (>= netstandard1.3) (< netstandard1.6) (< win8) (< wpa81)) (< portable-net45+win8+wpa81)
      System.Diagnostics.Debug (>= 4.3) - restriction: || (&& (< monoandroid) (< monotouch) (< net45) (>= netstandard1.6) (< xamarinios) (< xamarinmac) (< xamarintvos) (< xamarinwatchos)) (&& (< monoandroid) (< net45) (>= netstandard1.3) (< netstandard1.6) (< win8) (< wpa81)) (< portable-net45+win8+wpa81)
      System.Diagnostics.DiagnosticSource (>= 4.3) - restriction: || (&& (< monoandroid) (< monotouch) (< net45) (>= netstandard1.6) (< xamarinios) (< xamarinmac) (< xamarintvos) (< xamarinwatchos)) (&& (< monoandroid) (< net45) (>= netstandard1.3) (< netstandard1.6) (< win8) (< wpa81)) (< portable-net45+win8+wpa81)
      System.Diagnostics.Tracing (>= 4.3) - restriction: || (&& (< monoandroid) (< monotouch) (< net45) (>= netstandard1.6) (< xamarinios) (< xamarinmac) (< xamarintvos) (< xamarinwatchos)) (&& (< monoandroid) (< net45) (>= netstandard1.3) (< netstandard1.6) (< win8) (< wpa81)) (< portable-net45+win8+wpa81)
      System.Globalization (>= 4.3) - restriction: || (&& (< monoandroid) (< monotouch) (< net45) (>= netstandard1.6) (< xamarinios) (< xamarinmac) (< xamarintvos) (< xamarinwatchos)) (&& (< monoandroid) (< net45) (>= netstandard1.3) (< netstandard1.6) (< win8) (< wpa81)) (< portable-net45+win8+wpa81)
      System.Globalization.Extensions (>= 4.3) - restriction: && (< monoandroid) (< monotouch) (< net45) (>= netstandard1.6) (< xamarinios) (< xamarinmac) (< xamarintvos) (< xamarinwatchos)
      System.IO (>= 4.3) - restriction: || (&& (< monoandroid) (< monotouch) (< net45) (>= netstandard1.6) (< xamarinios) (< xamarinmac) (< xamarintvos) (< xamarinwatchos)) (&& (< monoandroid) (< net45) (>= netstandard1.1) (< netstandard1.3) (< win8) (< wpa81)) (&& (< monoandroid) (< net45) (>= netstandard1.3) (< netstandard1.6) (< win8) (< wpa81)) (< portable-net45+win8+wpa81)
      System.IO.FileSystem (>= 4.3) - restriction: && (< monoandroid) (< monotouch) (< net45) (>= netstandard1.6) (< xamarinios) (< xamarinmac) (< xamarintvos) (< xamarinwatchos)
      System.Net.Primitives (>= 4.3) - restriction: || (&& (< monoandroid) (< monotouch) (< net45) (>= netstandard1.6) (< xamarinios) (< xamarinmac) (< xamarintvos) (< xamarinwatchos)) (&& (< monoandroid) (< net45) (>= netstandard1.1) (< netstandard1.3) (< win8) (< wpa81)) (&& (< monoandroid) (< net45) (>= netstandard1.3) (< netstandard1.6) (< win8) (< wpa81)) (< portable-net45+win8+wpa81)
      System.Resources.ResourceManager (>= 4.3) - restriction: || (&& (< monoandroid) (< monotouch) (< net45) (>= netstandard1.6) (< xamarinios) (< xamarinmac) (< xamarintvos) (< xamarinwatchos)) (&& (< monoandroid) (< net45) (>= netstandard1.3) (< netstandard1.6) (< win8) (< wpa81)) (< portable-net45+win8+wpa81)
      System.Runtime (>= 4.3) - restriction: || (&& (< monoandroid) (< monotouch) (< net45) (>= netstandard1.6) (< xamarinios) (< xamarinmac) (< xamarintvos) (< xamarinwatchos)) (&& (< monoandroid) (< net45) (>= netstandard1.1) (< netstandard1.3) (< win8) (< wpa81)) (&& (< monoandroid) (< net45) (>= netstandard1.3) (< netstandard1.6) (< win8) (< wpa81)) (< portable-net45+win8+wpa81)
      System.Runtime.Extensions (>= 4.3) - restriction: || (&& (< monoandroid) (< monotouch) (< net45) (>= netstandard1.6) (< xamarinios) (< xamarinmac) (< xamarintvos) (< xamarinwatchos)) (&& (< monoandroid) (< net45) (>= netstandard1.3) (< netstandard1.6) (< win8) (< wpa81)) (< portable-net45+win8+wpa81)
      System.Runtime.Handles (>= 4.3) - restriction: || (&& (< monoandroid) (< monotouch) (< net45) (>= netstandard1.6) (< xamarinios) (< xamarinmac) (< xamarintvos) (< xamarinwatchos)) (&& (< monoandroid) (< net45) (>= netstandard1.3) (< netstandard1.6) (< win8) (< wpa81))
      System.Runtime.InteropServices (>= 4.3) - restriction: || (&& (< monoandroid) (< monotouch) (< net45) (>= netstandard1.6) (< xamarinios) (< xamarinmac) (< xamarintvos) (< xamarinwatchos)) (&& (< monoandroid) (< net45) (>= netstandard1.3) (< netstandard1.6) (< win8) (< wpa81)) (< portable-net45+win8+wpa81)
      System.Security.Cryptography.Algorithms (>= 4.3) - restriction: && (< monoandroid) (< monotouch) (< net45) (>= netstandard1.6) (< xamarinios) (< xamarinmac) (< xamarintvos) (< xamarinwatchos)
      System.Security.Cryptography.Encoding (>= 4.3) - restriction: || (&& (< monoandroid) (< monotouch) (< net45) (>= netstandard1.6) (< xamarinios) (< xamarinmac) (< xamarintvos) (< xamarinwatchos)) (&& (< monoandroid) (< net45) (>= netstandard1.3) (< netstandard1.6) (< win8) (< wpa81))
      System.Security.Cryptography.OpenSsl (>= 4.3) - restriction: && (< monoandroid) (< monotouch) (< net45) (>= netstandard1.6) (< xamarinios) (< xamarinmac) (< xamarintvos) (< xamarinwatchos)
      System.Security.Cryptography.Primitives (>= 4.3) - restriction: && (< monoandroid) (< monotouch) (< net45) (>= netstandard1.6) (< xamarinios) (< xamarinmac) (< xamarintvos) (< xamarinwatchos)
      System.Security.Cryptography.X509Certificates (>= 4.3) - restriction: || (&& (< monoandroid) (< monotouch) (< net45) (>= netstandard1.6) (< xamarinios) (< xamarinmac) (< xamarintvos) (< xamarinwatchos)) (&& (< monoandroid) (< net45) (>= netstandard1.3) (< netstandard1.6) (< win8) (< wpa81)) (>= net46) (< portable-net45+win8+wpa81)
      System.Text.Encoding (>= 4.3) - restriction: || (&& (< monoandroid) (< monotouch) (< net45) (>= netstandard1.6) (< xamarinios) (< xamarinmac) (< xamarintvos) (< xamarinwatchos)) (&& (< monoandroid) (< net45) (>= netstandard1.1) (< netstandard1.3) (< win8) (< wpa81)) (&& (< monoandroid) (< net45) (>= netstandard1.3) (< netstandard1.6) (< win8) (< wpa81)) (< portable-net45+win8+wpa81)
      System.Threading (>= 4.3) - restriction: || (&& (< monoandroid) (< monotouch) (< net45) (>= netstandard1.6) (< xamarinios) (< xamarinmac) (< xamarintvos) (< xamarinwatchos)) (&& (< monoandroid) (< net45) (>= netstandard1.3) (< netstandard1.6) (< win8) (< wpa81)) (< portable-net45+win8+wpa81)
      System.Threading.Tasks (>= 4.3) - restriction: || (&& (< monoandroid) (< monotouch) (< net45) (>= netstandard1.6) (< xamarinios) (< xamarinmac) (< xamarintvos) (< xamarinwatchos)) (&& (< monoandroid) (< net45) (>= netstandard1.1) (< netstandard1.3) (< win8) (< wpa81)) (&& (< monoandroid) (< net45) (>= netstandard1.3) (< netstandard1.6) (< win8) (< wpa81)) (< portable-net45+win8+wpa81)
    System.Net.Primitives (4.3) - restriction: || (&& (< monoandroid) (< monotouch) (< net45) (>= netstandard1.6) (< netstandard2.0) (< win8) (< wpa81) (< xamarintvos) (< xamarinwatchos)) (&& (< monoandroid) (< net45) (< netstandard1.3) (>= netstandard1.6) (< win8) (< wpa81)) (&& (< monoandroid) (< netstandard1.1) (>= netstandard1.6) (< win8)) (&& (>= netstandard1.6) (< portable-net45+win8+wp8+wpa81))
      Microsoft.NETCore.Platforms (>= 1.1) - restriction: || (&& (< monoandroid) (< monotouch) (< net45) (>= netstandard1.3) (< win8) (< wpa81) (< xamarinios) (< xamarinmac) (< xamarintvos) (< xamarinwatchos)) (&& (< monoandroid) (< net45) (>= netstandard1.1) (< netstandard1.3) (< win8) (< wpa81)) (&& (< monoandroid) (>= netstandard1.0) (< netstandard1.1) (< win8) (< wp8)) (< portable-net45+win8+wp8+wpa81)
      Microsoft.NETCore.Targets (>= 1.1) - restriction: || (&& (< monoandroid) (< monotouch) (< net45) (>= netstandard1.3) (< win8) (< wpa81) (< xamarinios) (< xamarinmac) (< xamarintvos) (< xamarinwatchos)) (&& (< monoandroid) (< net45) (>= netstandard1.1) (< netstandard1.3) (< win8) (< wpa81)) (&& (< monoandroid) (>= netstandard1.0) (< netstandard1.1) (< win8) (< wp8)) (< portable-net45+win8+wp8+wpa81)
      System.Runtime (>= 4.3) - restriction: || (&& (< monoandroid) (< monotouch) (< net45) (>= netstandard1.3) (< win8) (< wpa81) (< xamarinios) (< xamarinmac) (< xamarintvos) (< xamarinwatchos)) (&& (< monoandroid) (< net45) (>= netstandard1.1) (< netstandard1.3) (< win8) (< wpa81)) (&& (< monoandroid) (>= netstandard1.0) (< netstandard1.1) (< win8) (< wp8)) (< portable-net45+win8+wp8+wpa81)
      System.Runtime.Handles (>= 4.3) - restriction: || (&& (< monoandroid) (< monotouch) (< net45) (>= netstandard1.3) (< win8) (< wpa81) (< xamarinios) (< xamarinmac) (< xamarintvos) (< xamarinwatchos)) (< portable-net45+win8+wp8+wpa81)
    System.Net.Requests (4.3) - restriction: && (< net45) (>= netstandard1.6) (< netstandard2.0)
      Microsoft.NETCore.Platforms (>= 1.1) - restriction: && (< monoandroid) (< monotouch) (< net45) (>= netstandard1.3) (< win8) (< wpa81) (< xamarinios) (< xamarinmac) (< xamarintvos) (< xamarinwatchos)
      System.Collections (>= 4.3) - restriction: || (&& (< monoandroid) (< monotouch) (< net45) (>= netstandard1.3) (< win8) (< wpa81) (< xamarinios) (< xamarinmac) (< xamarintvos) (< xamarinwatchos)) (< portable-net45+win8+wp8+wpa81)
      System.Diagnostics.Debug (>= 4.3) - restriction: || (&& (< monoandroid) (< monotouch) (< net45) (>= netstandard1.3) (< win8) (< wpa81) (< xamarinios) (< xamarinmac) (< xamarintvos) (< xamarinwatchos)) (< portable-net45+win8+wp8+wpa81)
      System.Diagnostics.Tracing (>= 4.3) - restriction: || (&& (< monoandroid) (< monotouch) (< net45) (>= netstandard1.3) (< win8) (< wpa81) (< xamarinios) (< xamarinmac) (< xamarintvos) (< xamarinwatchos)) (< portable-net45+win8+wp8+wpa81)
      System.Globalization (>= 4.3) - restriction: || (&& (< monoandroid) (< monotouch) (< net45) (>= netstandard1.3) (< win8) (< wpa81) (< xamarinios) (< xamarinmac) (< xamarintvos) (< xamarinwatchos)) (< portable-net45+win8+wp8+wpa81)
      System.IO (>= 4.3) - restriction: || (&& (< monoandroid) (< monotouch) (< net45) (>= netstandard1.3) (< win8) (< wpa81) (< xamarinios) (< xamarinmac) (< xamarintvos) (< xamarinwatchos)) (&& (< monoandroid) (< net45) (>= netstandard1.1) (< netstandard1.3) (< win8) (< wpa81)) (&& (< monoandroid) (>= netstandard1.0) (< netstandard1.1) (< win8) (< wp8)) (< portable-net45+win8+wp8+wpa81)
      System.Net.Http (>= 4.3) - restriction: || (&& (< monoandroid) (< monotouch) (< net45) (>= netstandard1.3) (< win8) (< wpa81) (< xamarinios) (< xamarinmac) (< xamarintvos) (< xamarinwatchos)) (< portable-net45+win8+wp8+wpa81)
      System.Net.Primitives (>= 4.3) - restriction: || (&& (< monoandroid) (< monotouch) (< net45) (>= netstandard1.3) (< win8) (< wpa81) (< xamarinios) (< xamarinmac) (< xamarintvos) (< xamarinwatchos)) (&& (< monoandroid) (< net45) (>= netstandard1.1) (< netstandard1.3) (< win8) (< wpa81)) (&& (< monoandroid) (>= netstandard1.0) (< netstandard1.1) (< win8) (< wp8)) (< portable-net45+win8+wp8+wpa81)
      System.Net.WebHeaderCollection (>= 4.3) - restriction: || (&& (< monoandroid) (< monotouch) (< net45) (>= netstandard1.3) (< win8) (< wpa81) (< xamarinios) (< xamarinmac) (< xamarintvos) (< xamarinwatchos)) (< portable-net45+win8+wp8+wpa81)
      System.Resources.ResourceManager (>= 4.3) - restriction: || (&& (< monoandroid) (< monotouch) (< net45) (>= netstandard1.3) (< win8) (< wpa81) (< xamarinios) (< xamarinmac) (< xamarintvos) (< xamarinwatchos)) (< portable-net45+win8+wp8+wpa81)
      System.Runtime (>= 4.3) - restriction: || (&& (< monoandroid) (< monotouch) (< net45) (>= netstandard1.3) (< win8) (< wpa81) (< xamarinios) (< xamarinmac) (< xamarintvos) (< xamarinwatchos)) (&& (< monoandroid) (< net45) (>= netstandard1.1) (< netstandard1.3) (< win8) (< wpa81)) (&& (< monoandroid) (>= netstandard1.0) (< netstandard1.1) (< win8) (< wp8)) (< portable-net45+win8+wp8+wpa81)
      System.Threading (>= 4.3) - restriction: || (&& (< monoandroid) (< monotouch) (< net45) (>= netstandard1.3) (< win8) (< wpa81) (< xamarinios) (< xamarinmac) (< xamarintvos) (< xamarinwatchos)) (< portable-net45+win8+wp8+wpa81)
      System.Threading.Tasks (>= 4.3) - restriction: || (&& (< monoandroid) (< monotouch) (< net45) (>= netstandard1.3) (< win8) (< wpa81) (< xamarinios) (< xamarinmac) (< xamarintvos) (< xamarinwatchos)) (&& (< monoandroid) (< net45) (>= netstandard1.1) (< netstandard1.3) (< win8) (< wpa81)) (< portable-net45+win8+wp8+wpa81)
    System.Net.WebHeaderCollection (4.3) - restriction: || (&& (< monoandroid) (< monotouch) (< net45) (>= netstandard1.6) (< netstandard2.0) (< win8) (< wpa81) (< xamarintvos) (< xamarinwatchos)) (&& (>= netstandard1.6) (< portable-net45+win8+wp8+wpa81))
      System.Collections (>= 4.3) - restriction: && (< monoandroid) (< monotouch) (< net46) (>= netstandard1.3) (< xamarinios) (< xamarinmac) (< xamarintvos) (< xamarinwatchos)
      System.Resources.ResourceManager (>= 4.3) - restriction: && (< monoandroid) (< monotouch) (< net46) (>= netstandard1.3) (< xamarinios) (< xamarinmac) (< xamarintvos) (< xamarinwatchos)
      System.Runtime (>= 4.3) - restriction: && (< monoandroid) (< monotouch) (< net46) (>= netstandard1.3) (< xamarinios) (< xamarinmac) (< xamarintvos) (< xamarinwatchos)
      System.Runtime.Extensions (>= 4.3) - restriction: && (< monoandroid) (< monotouch) (< net46) (>= netstandard1.3) (< xamarinios) (< xamarinmac) (< xamarintvos) (< xamarinwatchos)
    System.Numerics.Vectors (4.5) - restriction: || (&& (< net45) (>= net461) (>= netstandard2.0)) (&& (< net45) (< netcoreapp2.0) (>= netstandard2.0) (< xamarinios) (< xamarinmac))
    System.ObjectModel (4.3) - restriction: && (< monoandroid) (< monotouch) (< net45) (>= netstandard1.6) (< netstandard2.0) (< xamarintvos) (< xamarinwatchos)
      System.Collections (>= 4.3) - restriction: || (&& (< monoandroid) (< monotouch) (< net45) (>= netstandard1.3) (< win8) (< wpa81) (< xamarinios) (< xamarinmac) (< xamarintvos) (< xamarinwatchos)) (< portable-net45+win8+wp8+wpa81)
      System.Diagnostics.Debug (>= 4.3) - restriction: || (&& (< monoandroid) (< monotouch) (< net45) (>= netstandard1.3) (< win8) (< wpa81) (< xamarinios) (< xamarinmac) (< xamarintvos) (< xamarinwatchos)) (< portable-net45+win8+wp8+wpa81)
      System.Resources.ResourceManager (>= 4.3) - restriction: || (&& (< monoandroid) (< monotouch) (< net45) (>= netstandard1.3) (< win8) (< wpa81) (< xamarinios) (< xamarinmac) (< xamarintvos) (< xamarinwatchos)) (< portable-net45+win8+wp8+wpa81)
      System.Runtime (>= 4.3) - restriction: || (&& (< monoandroid) (< monotouch) (< net45) (>= netstandard1.3) (< win8) (< wpa81) (< xamarinios) (< xamarinmac) (< xamarintvos) (< xamarinwatchos)) (&& (< monoandroid) (< net45) (>= netstandard1.0) (< netstandard1.3) (< win8) (< wp8) (< wpa81)) (< portable-net45+win8+wp8+wpa81)
      System.Threading (>= 4.3) - restriction: || (&& (< monoandroid) (< monotouch) (< net45) (>= netstandard1.3) (< win8) (< wpa81) (< xamarinios) (< xamarinmac) (< xamarintvos) (< xamarinwatchos)) (< portable-net45+win8+wp8+wpa81)
    System.Reflection (4.3) - restriction: || (&& (< monoandroid) (< net45) (< netstandard1.3) (>= netstandard1.6) (< win8) (< wpa81)) (&& (< net45) (>= netstandard1.6) (< netstandard2.0)) (&& (>= netstandard1.6) (< portable-net45+win8+wp8+wpa81))
      Microsoft.NETCore.Platforms (>= 1.1) - restriction: || (&& (< monoandroid) (< monotouch) (< net45) (>= netstandard1.5) (< win8) (< wpa81) (< xamarinios) (< xamarinmac) (< xamarintvos) (< xamarinwatchos)) (&& (< monoandroid) (< net45) (>= netstandard1.0) (< netstandard1.3) (< win8) (< wp8) (< wpa81)) (&& (< monoandroid) (< net45) (>= netstandard1.3) (< netstandard1.5) (< win8) (< wpa81)) (< portable-net45+win8+wp8+wpa81)
      Microsoft.NETCore.Targets (>= 1.1) - restriction: || (&& (< monoandroid) (< monotouch) (< net45) (>= netstandard1.5) (< win8) (< wpa81) (< xamarinios) (< xamarinmac) (< xamarintvos) (< xamarinwatchos)) (&& (< monoandroid) (< net45) (>= netstandard1.0) (< netstandard1.3) (< win8) (< wp8) (< wpa81)) (&& (< monoandroid) (< net45) (>= netstandard1.3) (< netstandard1.5) (< win8) (< wpa81)) (< portable-net45+win8+wp8+wpa81)
      System.IO (>= 4.3) - restriction: || (&& (< monoandroid) (< monotouch) (< net45) (>= netstandard1.5) (< win8) (< wpa81) (< xamarinios) (< xamarinmac) (< xamarintvos) (< xamarinwatchos)) (&& (< monoandroid) (< net45) (>= netstandard1.0) (< netstandard1.3) (< win8) (< wp8) (< wpa81)) (&& (< monoandroid) (< net45) (>= netstandard1.3) (< netstandard1.5) (< win8) (< wpa81)) (< portable-net45+win8+wp8+wpa81)
      System.Reflection.Primitives (>= 4.3) - restriction: || (&& (< monoandroid) (< monotouch) (< net45) (>= netstandard1.5) (< win8) (< wpa81) (< xamarinios) (< xamarinmac) (< xamarintvos) (< xamarinwatchos)) (&& (< monoandroid) (< net45) (>= netstandard1.0) (< netstandard1.3) (< win8) (< wp8) (< wpa81)) (&& (< monoandroid) (< net45) (>= netstandard1.3) (< netstandard1.5) (< win8) (< wpa81)) (< portable-net45+win8+wp8+wpa81)
      System.Runtime (>= 4.3) - restriction: || (&& (< monoandroid) (< monotouch) (< net45) (>= netstandard1.5) (< win8) (< wpa81) (< xamarinios) (< xamarinmac) (< xamarintvos) (< xamarinwatchos)) (&& (< monoandroid) (< net45) (>= netstandard1.0) (< netstandard1.3) (< win8) (< wp8) (< wpa81)) (&& (< monoandroid) (< net45) (>= netstandard1.3) (< netstandard1.5) (< win8) (< wpa81)) (< portable-net45+win8+wp8+wpa81)
    System.Reflection.Emit (4.3) - restriction: && (< monoandroid) (< monotouch) (< net45) (>= netstandard1.6) (< netstandard2.0) (< xamarintvos) (< xamarinwatchos)
      System.IO (>= 4.3) - restriction: && (< monoandroid) (< monotouch) (< net45) (>= netstandard1.1) (< xamarinios) (< xamarinmac) (< xamarintvos) (< xamarinwatchos)
      System.Reflection (>= 4.3) - restriction: && (< monoandroid) (< monotouch) (< net45) (>= netstandard1.1) (< xamarinios) (< xamarinmac) (< xamarintvos) (< xamarinwatchos)
      System.Reflection.Emit.ILGeneration (>= 4.3) - restriction: && (< monoandroid) (< monotouch) (< net45) (>= netstandard1.1) (< xamarinios) (< xamarinmac) (< xamarintvos) (< xamarinwatchos)
      System.Reflection.Primitives (>= 4.3) - restriction: && (< monoandroid) (< monotouch) (< net45) (>= netstandard1.1) (< xamarinios) (< xamarinmac) (< xamarintvos) (< xamarinwatchos)
      System.Runtime (>= 4.3) - restriction: && (< monoandroid) (< monotouch) (< net45) (>= netstandard1.1) (< xamarinios) (< xamarinmac) (< xamarintvos) (< xamarinwatchos)
    System.Reflection.Emit.ILGeneration (4.3) - restriction: || (&& (< monoandroid) (< monotouch) (< net45) (>= netstandard1.6) (< netstandard2.0) (< xamarintvos) (< xamarinwatchos)) (&& (>= netstandard1.6) (< portable-net45+win8+wp8+wpa81))
      System.Reflection (>= 4.3) - restriction: && (< monoandroid) (< monotouch) (< net45) (>= netstandard1.0) (< wp8) (< xamarinios) (< xamarinmac) (< xamarintvos) (< xamarinwatchos)
      System.Reflection.Primitives (>= 4.3) - restriction: && (< monoandroid) (< monotouch) (< net45) (>= netstandard1.0) (< wp8) (< xamarinios) (< xamarinmac) (< xamarintvos) (< xamarinwatchos)
      System.Runtime (>= 4.3) - restriction: && (< monoandroid) (< monotouch) (< net45) (>= netstandard1.0) (< wp8) (< xamarinios) (< xamarinmac) (< xamarintvos) (< xamarinwatchos)
    System.Reflection.Emit.Lightweight (4.3) - restriction: || (&& (< monoandroid) (< monotouch) (< net45) (>= netstandard1.6) (< netstandard2.0) (< xamarintvos) (< xamarinwatchos)) (&& (>= netstandard1.6) (< portable-net45+win8+wp8+wpa81))
      System.Reflection (>= 4.3) - restriction: && (< monoandroid) (< monotouch) (< net45) (>= netstandard1.0) (< wp8) (< xamarinios) (< xamarinmac) (< xamarintvos) (< xamarinwatchos)
      System.Reflection.Emit.ILGeneration (>= 4.3) - restriction: && (< monoandroid) (< monotouch) (< net45) (>= netstandard1.0) (< wp8) (< xamarinios) (< xamarinmac) (< xamarintvos) (< xamarinwatchos)
      System.Reflection.Primitives (>= 4.3) - restriction: && (< monoandroid) (< monotouch) (< net45) (>= netstandard1.0) (< wp8) (< xamarinios) (< xamarinmac) (< xamarintvos) (< xamarinwatchos)
      System.Runtime (>= 4.3) - restriction: && (< monoandroid) (< monotouch) (< net45) (>= netstandard1.0) (< wp8) (< xamarinios) (< xamarinmac) (< xamarintvos) (< xamarinwatchos)
    System.Reflection.Extensions (4.3) - restriction: || (&& (< net45) (>= netstandard1.6) (< netstandard2.0)) (&& (>= netstandard1.6) (< portable-net45+win8+wp8+wpa81))
      Microsoft.NETCore.Platforms (>= 1.1) - restriction: || (&& (< monoandroid) (< monotouch) (< net45) (>= netstandard1.0) (< win8) (< wp8) (< wpa81) (< xamarinios) (< xamarinmac) (< xamarintvos) (< xamarinwatchos)) (< portable-net45+win8+wp8+wpa81)
      Microsoft.NETCore.Targets (>= 1.1) - restriction: || (&& (< monoandroid) (< monotouch) (< net45) (>= netstandard1.0) (< win8) (< wp8) (< wpa81) (< xamarinios) (< xamarinmac) (< xamarintvos) (< xamarinwatchos)) (< portable-net45+win8+wp8+wpa81)
      System.Reflection (>= 4.3) - restriction: || (&& (< monoandroid) (< monotouch) (< net45) (>= netstandard1.0) (< win8) (< wp8) (< wpa81) (< xamarinios) (< xamarinmac) (< xamarintvos) (< xamarinwatchos)) (< portable-net45+win8+wp8+wpa81)
      System.Runtime (>= 4.3) - restriction: || (&& (< monoandroid) (< monotouch) (< net45) (>= netstandard1.0) (< win8) (< wp8) (< wpa81) (< xamarinios) (< xamarinmac) (< xamarintvos) (< xamarinwatchos)) (< portable-net45+win8+wp8+wpa81)
    System.Reflection.Metadata (1.6.0) - version_in_path: true, restriction: >= net461
      System.Collections.Immutable (>= 1.5) - restriction: || (>= net45) (&& (< netcoreapp2.1) (>= netstandard2.0)) (&& (>= netstandard1.1) (< netstandard2.0) (< win8) (< wpa81)) (&& (< netstandard1.1) (>= portable-net45+win8+wpa81) (< win8)) (&& (< netstandard1.1) (>= win8)) (&& (< netstandard2.0) (< uap10.1) (>= wpa81))
    System.Reflection.Primitives (4.3) - restriction: || (&& (< monoandroid) (< monotouch) (< net45) (>= netstandard1.6) (< netstandard2.0) (< xamarintvos) (< xamarinwatchos)) (&& (>= netstandard1.6) (< portable-net45+win8+wp8+wpa81))
      Microsoft.NETCore.Platforms (>= 1.1) - restriction: || (&& (< monoandroid) (< monotouch) (< net45) (>= netstandard1.0) (< win8) (< wp8) (< wpa81) (< xamarinios) (< xamarinmac) (< xamarintvos) (< xamarinwatchos)) (< portable-net45+win8+wp8+wpa81)
      Microsoft.NETCore.Targets (>= 1.1) - restriction: || (&& (< monoandroid) (< monotouch) (< net45) (>= netstandard1.0) (< win8) (< wp8) (< wpa81) (< xamarinios) (< xamarinmac) (< xamarintvos) (< xamarinwatchos)) (< portable-net45+win8+wp8+wpa81)
      System.Runtime (>= 4.3) - restriction: || (&& (< monoandroid) (< monotouch) (< net45) (>= netstandard1.0) (< win8) (< wp8) (< wpa81) (< xamarinios) (< xamarinmac) (< xamarintvos) (< xamarinwatchos)) (< portable-net45+win8+wp8+wpa81)
    System.Reflection.TypeExtensions (4.5.1) - restriction: || (&& (< monoandroid) (< monotouch) (< net45) (>= netstandard1.6) (< netstandard2.0) (< xamarintvos) (< xamarinwatchos)) (&& (>= netstandard1.6) (< portable-net45+win8+wp8+wpa81))
      System.Reflection (>= 4.3) - restriction: || (&& (< monoandroid) (< monotouch) (< net46) (>= netstandard1.5) (< netstandard2.0) (< xamarintvos) (< xamarinwatchos)) (&& (< monoandroid) (< net46) (>= netstandard1.3) (< netstandard1.5) (< uap10.1)) (&& (< monoandroid) (< netstandard1.3))
      System.Resources.ResourceManager (>= 4.3) - restriction: || (&& (< monoandroid) (< monotouch) (< net46) (>= netstandard1.5) (< netstandard2.0) (< xamarintvos) (< xamarinwatchos)) (&& (< monoandroid) (< net46) (>= netstandard1.3) (< netstandard1.5) (< uap10.1)) (&& (< monoandroid) (< netstandard1.3))
      System.Runtime (>= 4.3) - restriction: || (&& (< monoandroid) (< monotouch) (< net46) (>= netstandard1.5) (< netstandard2.0) (< xamarintvos) (< xamarinwatchos)) (&& (< monoandroid) (< net46) (>= netstandard1.3) (< netstandard1.5) (< uap10.1)) (&& (< monoandroid) (< netstandard1.3))
    System.Resources.ResourceManager (4.3) - restriction: || (&& (< net45) (>= netstandard1.6) (< netstandard2.0)) (&& (>= netstandard1.6) (< portable-net45+win8+wp8+wpa81))
      Microsoft.NETCore.Platforms (>= 1.1) - restriction: || (&& (< monoandroid) (< monotouch) (< net45) (>= netstandard1.0) (< win8) (< wp8) (< wpa81) (< xamarinios) (< xamarinmac) (< xamarintvos) (< xamarinwatchos)) (< portable-net45+win8+wp8+wpa81)
      Microsoft.NETCore.Targets (>= 1.1) - restriction: || (&& (< monoandroid) (< monotouch) (< net45) (>= netstandard1.0) (< win8) (< wp8) (< wpa81) (< xamarinios) (< xamarinmac) (< xamarintvos) (< xamarinwatchos)) (< portable-net45+win8+wp8+wpa81)
      System.Globalization (>= 4.3) - restriction: || (&& (< monoandroid) (< monotouch) (< net45) (>= netstandard1.0) (< win8) (< wp8) (< wpa81) (< xamarinios) (< xamarinmac) (< xamarintvos) (< xamarinwatchos)) (< portable-net45+win8+wp8+wpa81)
      System.Reflection (>= 4.3) - restriction: || (&& (< monoandroid) (< monotouch) (< net45) (>= netstandard1.0) (< win8) (< wp8) (< wpa81) (< xamarinios) (< xamarinmac) (< xamarintvos) (< xamarinwatchos)) (< portable-net45+win8+wp8+wpa81)
      System.Runtime (>= 4.3) - restriction: || (&& (< monoandroid) (< monotouch) (< net45) (>= netstandard1.0) (< win8) (< wp8) (< wpa81) (< xamarinios) (< xamarinmac) (< xamarintvos) (< xamarinwatchos)) (< portable-net45+win8+wp8+wpa81)
    System.Runtime (4.3.1) - restriction: || (&& (< monoandroid) (< net45) (< netstandard1.3) (>= netstandard1.6) (< win8) (< wpa81)) (&& (< monoandroid) (< net45) (< netstandard1.5) (>= netstandard1.6) (< win8) (< wpa81)) (&& (< net45) (>= netstandard1.6) (< netstandard2.0)) (&& (>= netstandard1.6) (< portable-net45+win8+wp8+wpa81))
      Microsoft.NETCore.Platforms (>= 1.1.1) - restriction: || (&& (< monoandroid) (< monotouch) (< net45) (>= netstandard1.5) (< win8) (< wpa81) (< xamarinios) (< xamarinmac) (< xamarintvos) (< xamarinwatchos)) (&& (< monoandroid) (< net45) (>= netstandard1.0) (< netstandard1.2) (< win8) (< wp8)) (&& (< monoandroid) (< net45) (>= netstandard1.2) (< netstandard1.3) (< win8) (< wpa81)) (&& (< monoandroid) (< net45) (>= netstandard1.3) (< netstandard1.5) (< win8) (< wpa81)) (< portable-net45+win8+wp8+wpa81)
      Microsoft.NETCore.Targets (>= 1.1.3) - restriction: || (&& (< monoandroid) (< monotouch) (< net45) (>= netstandard1.5) (< win8) (< wpa81) (< xamarinios) (< xamarinmac) (< xamarintvos) (< xamarinwatchos)) (&& (< monoandroid) (< net45) (>= netstandard1.0) (< netstandard1.2) (< win8) (< wp8)) (&& (< monoandroid) (< net45) (>= netstandard1.2) (< netstandard1.3) (< win8) (< wpa81)) (&& (< monoandroid) (< net45) (>= netstandard1.3) (< netstandard1.5) (< win8) (< wpa81)) (< portable-net45+win8+wp8+wpa81)
    System.Runtime.CompilerServices.Unsafe (4.5.2) - restriction: || (&& (< monoandroid) (< netstandard1.1) (>= netstandard2.0) (< win8)) (&& (>= monotouch) (>= netstandard2.0)) (&& (< net45) (>= net461) (>= netstandard2.0)) (&& (< net45) (< netcoreapp2.0) (>= netstandard2.0) (< xamarinios)) (&& (>= netcoreapp2.0) (< netcoreapp2.1)) (&& (< netstandard1.1) (>= netstandard2.0) (>= win8)) (&& (>= netstandard2.0) (>= uap10.1)) (&& (>= netstandard2.0) (>= xamarintvos)) (&& (>= netstandard2.0) (>= xamarinwatchos)) (>= xamarinmac)
    System.Runtime.Extensions (4.3.1) - restriction: || (&& (< net45) (>= netstandard1.6) (< netstandard2.0)) (&& (>= netstandard1.6) (< portable-net45+win8+wp8+wpa81))
      Microsoft.NETCore.Platforms (>= 1.1.1) - restriction: || (&& (< monoandroid) (< monotouch) (< net45) (>= netstandard1.5) (< win8) (< wpa81) (< xamarinios) (< xamarinmac) (< xamarintvos) (< xamarinwatchos)) (&& (< monoandroid) (< net45) (>= netstandard1.0) (< netstandard1.3) (< win8) (< wp8) (< wpa81)) (&& (< monoandroid) (< net45) (>= netstandard1.3) (< netstandard1.5) (< win8) (< wpa81)) (< portable-net45+win8+wp8+wpa81)
      Microsoft.NETCore.Targets (>= 1.1.3) - restriction: || (&& (< monoandroid) (< monotouch) (< net45) (>= netstandard1.5) (< win8) (< wpa81) (< xamarinios) (< xamarinmac) (< xamarintvos) (< xamarinwatchos)) (&& (< monoandroid) (< net45) (>= netstandard1.0) (< netstandard1.3) (< win8) (< wp8) (< wpa81)) (&& (< monoandroid) (< net45) (>= netstandard1.3) (< netstandard1.5) (< win8) (< wpa81)) (< portable-net45+win8+wp8+wpa81)
      System.Runtime (>= 4.3.1) - restriction: || (&& (< monoandroid) (< monotouch) (< net45) (>= netstandard1.5) (< win8) (< wpa81) (< xamarinios) (< xamarinmac) (< xamarintvos) (< xamarinwatchos)) (&& (< monoandroid) (< net45) (>= netstandard1.0) (< netstandard1.3) (< win8) (< wp8) (< wpa81)) (&& (< monoandroid) (< net45) (>= netstandard1.3) (< netstandard1.5) (< win8) (< wpa81)) (< portable-net45+win8+wp8+wpa81)
    System.Runtime.Handles (4.3) - restriction: && (< monoandroid) (< monotouch) (< net45) (>= netstandard1.6) (< netstandard2.0) (< xamarintvos) (< xamarinwatchos)
      Microsoft.NETCore.Platforms (>= 1.1) - restriction: && (< monoandroid) (< monotouch) (< net46) (>= netstandard1.3) (< xamarinios) (< xamarinmac) (< xamarintvos) (< xamarinwatchos)
      Microsoft.NETCore.Targets (>= 1.1) - restriction: && (< monoandroid) (< monotouch) (< net46) (>= netstandard1.3) (< xamarinios) (< xamarinmac) (< xamarintvos) (< xamarinwatchos)
      System.Runtime (>= 4.3) - restriction: && (< monoandroid) (< monotouch) (< net46) (>= netstandard1.3) (< xamarinios) (< xamarinmac) (< xamarintvos) (< xamarinwatchos)
    System.Runtime.InteropServices (4.3) - restriction: || (&& (< monoandroid) (< monotouch) (< net45) (>= netstandard1.6) (< netstandard2.0) (< win8) (< wpa81) (< xamarintvos) (< xamarinwatchos)) (&& (>= netstandard1.6) (< portable-net45+win8+wp8+wpa81)) (&& (>= netstandard1.6) (< portable-net45+win8+wpa81))
      Microsoft.NETCore.Platforms (>= 1.1) - restriction: || (&& (< monoandroid) (< monotouch) (< net45) (>= netstandard1.5) (< win8) (< wpa81) (< xamarinios) (< xamarinmac) (< xamarintvos) (< xamarinwatchos)) (&& (< monoandroid) (< net45) (>= netstandard1.1) (< netstandard1.2) (< win8)) (&& (< monoandroid) (< net45) (>= netstandard1.2) (< netstandard1.3) (< win8) (< wpa81)) (&& (< monoandroid) (< net45) (>= netstandard1.3) (< netstandard1.5) (< win8) (< wpa81)) (>= netcoreapp1.1) (< portable-net45+win8+wpa81)
      Microsoft.NETCore.Targets (>= 1.1) - restriction: || (&& (< monoandroid) (< monotouch) (< net45) (>= netstandard1.5) (< win8) (< wpa81) (< xamarinios) (< xamarinmac) (< xamarintvos) (< xamarinwatchos)) (&& (< monoandroid) (< net45) (>= netstandard1.1) (< netstandard1.2) (< win8)) (&& (< monoandroid) (< net45) (>= netstandard1.2) (< netstandard1.3) (< win8) (< wpa81)) (&& (< monoandroid) (< net45) (>= netstandard1.3) (< netstandard1.5) (< win8) (< wpa81)) (>= netcoreapp1.1) (< portable-net45+win8+wpa81)
      System.Reflection (>= 4.3) - restriction: || (&& (< monoandroid) (< monotouch) (< net45) (>= netstandard1.5) (< win8) (< wpa81) (< xamarinios) (< xamarinmac) (< xamarintvos) (< xamarinwatchos)) (&& (< monoandroid) (< net45) (>= netstandard1.1) (< netstandard1.2) (< win8)) (&& (< monoandroid) (< net45) (>= netstandard1.2) (< netstandard1.3) (< win8) (< wpa81)) (&& (< monoandroid) (< net45) (>= netstandard1.3) (< netstandard1.5) (< win8) (< wpa81)) (>= netcoreapp1.1) (< portable-net45+win8+wpa81)
      System.Reflection.Primitives (>= 4.3) - restriction: || (&& (< monoandroid) (< monotouch) (< net45) (>= netstandard1.5) (< win8) (< wpa81) (< xamarinios) (< xamarinmac) (< xamarintvos) (< xamarinwatchos)) (&& (< monoandroid) (< net45) (>= netstandard1.1) (< netstandard1.2) (< win8)) (&& (< monoandroid) (< net45) (>= netstandard1.2) (< netstandard1.3) (< win8) (< wpa81)) (&& (< monoandroid) (< net45) (>= netstandard1.3) (< netstandard1.5) (< win8) (< wpa81)) (>= netcoreapp1.1) (< portable-net45+win8+wpa81)
      System.Runtime (>= 4.3) - restriction: || (&& (< monoandroid) (< monotouch) (< net45) (>= netstandard1.5) (< win8) (< wpa81) (< xamarinios) (< xamarinmac) (< xamarintvos) (< xamarinwatchos)) (&& (< monoandroid) (< net45) (>= netstandard1.1) (< netstandard1.2) (< win8)) (&& (< monoandroid) (< net45) (>= netstandard1.2) (< netstandard1.3) (< win8) (< wpa81)) (&& (< monoandroid) (< net45) (>= netstandard1.3) (< netstandard1.5) (< win8) (< wpa81)) (>= net462) (>= netcoreapp1.1) (< portable-net45+win8+wpa81)
      System.Runtime.Handles (>= 4.3) - restriction: || (&& (< monoandroid) (< monotouch) (< net45) (>= netstandard1.5) (< win8) (< wpa81) (< xamarinios) (< xamarinmac) (< xamarintvos) (< xamarinwatchos)) (&& (< monoandroid) (< net45) (>= netstandard1.3) (< netstandard1.5) (< win8) (< wpa81)) (>= netcoreapp1.1) (< portable-net45+win8+wpa81)
    System.Runtime.InteropServices.RuntimeInformation (4.3.0) - version_in_path: true, restriction: >= net461
    System.Runtime.Numerics (4.3) - restriction: || (&& (< net45) (>= netstandard1.6) (< netstandard2.0)) (&& (>= netstandard1.6) (< portable-net45+win8+wp8+wpa81))
      System.Globalization (>= 4.3) - restriction: || (&& (< monoandroid) (< monotouch) (< net45) (>= netstandard1.3) (< win8) (< wpa81) (< xamarinios) (< xamarinmac) (< xamarintvos) (< xamarinwatchos)) (< portable-net45+win8+wpa81)
      System.Resources.ResourceManager (>= 4.3) - restriction: || (&& (< monoandroid) (< monotouch) (< net45) (>= netstandard1.3) (< win8) (< wpa81) (< xamarinios) (< xamarinmac) (< xamarintvos) (< xamarinwatchos)) (< portable-net45+win8+wpa81)
      System.Runtime (>= 4.3) - restriction: || (&& (< monoandroid) (< monotouch) (< net45) (>= netstandard1.3) (< win8) (< wpa81) (< xamarinios) (< xamarinmac) (< xamarintvos) (< xamarinwatchos)) (&& (< monoandroid) (< net45) (>= netstandard1.1) (< netstandard1.3) (< win8) (< wpa81)) (< portable-net45+win8+wpa81)
      System.Runtime.Extensions (>= 4.3) - restriction: || (&& (< monoandroid) (< monotouch) (< net45) (>= netstandard1.3) (< win8) (< wpa81) (< xamarinios) (< xamarinmac) (< xamarintvos) (< xamarinwatchos)) (< portable-net45+win8+wpa81)
    System.Security.AccessControl (4.5) - restriction: || (&& (>= monoandroid) (>= netstandard2.0)) (&& (>= monotouch) (>= netstandard2.0)) (&& (< net45) (>= netstandard2.0)) (&& (>= netstandard2.0) (>= xamarintvos)) (&& (>= netstandard2.0) (>= xamarinwatchos))
      Microsoft.NETCore.Platforms (>= 2.0) - restriction: >= netcoreapp2.0
      System.Security.Principal.Windows (>= 4.5) - restriction: || (&& (< net46) (>= netstandard2.0)) (>= net461) (>= netcoreapp2.0)
    System.Security.Cryptography.Algorithms (4.3.1) - restriction: || (&& (< monoandroid) (< monotouch) (< net45) (>= netstandard1.6) (< netstandard2.0) (< win8) (< wpa81) (< xamarintvos) (< xamarinwatchos)) (&& (>= netstandard1.6) (< portable-net45+win8+wp8+wpa81))
      Microsoft.NETCore.Platforms (>= 1.1) - restriction: || (&& (< monoandroid) (< monotouch) (< net46) (>= netstandard1.6) (< xamarinios) (< xamarinmac) (< xamarintvos) (< xamarinwatchos)) (&& (< monoandroid) (< netstandard1.3))
      runtime.native.System.Security.Cryptography.Apple (>= 4.3.1) - restriction: && (< monoandroid) (< monotouch) (< net46) (>= netstandard1.6) (< xamarinios) (< xamarinmac) (< xamarintvos) (< xamarinwatchos)
      runtime.native.System.Security.Cryptography.OpenSsl (>= 4.3.2) - restriction: && (< monoandroid) (< monotouch) (< net46) (>= netstandard1.6) (< xamarinios) (< xamarinmac) (< xamarintvos) (< xamarinwatchos)
      System.Collections (>= 4.3) - restriction: && (< monoandroid) (< monotouch) (< net46) (>= netstandard1.6) (< xamarinios) (< xamarinmac) (< xamarintvos) (< xamarinwatchos)
      System.IO (>= 4.3) - restriction: || (&& (< monoandroid) (< monotouch) (< net46) (>= netstandard1.6) (< xamarinios) (< xamarinmac) (< xamarintvos) (< xamarinwatchos)) (&& (< monoandroid) (< net46) (>= netstandard1.3) (< netstandard1.4)) (&& (< monoandroid) (< net46) (>= netstandard1.4) (< netstandard1.6)) (&& (< monoandroid) (< netstandard1.3)) (>= net463)
      System.Resources.ResourceManager (>= 4.3) - restriction: || (&& (< monoandroid) (< monotouch) (< net46) (>= netstandard1.6) (< xamarinios) (< xamarinmac) (< xamarintvos) (< xamarinwatchos)) (&& (< monoandroid) (< netstandard1.3))
      System.Runtime (>= 4.3) - restriction: || (&& (< monoandroid) (< monotouch) (< net46) (>= netstandard1.6) (< xamarinios) (< xamarinmac) (< xamarintvos) (< xamarinwatchos)) (&& (< monoandroid) (< net46) (>= netstandard1.3) (< netstandard1.4)) (&& (< monoandroid) (< net46) (>= netstandard1.4) (< netstandard1.6)) (&& (< monoandroid) (< netstandard1.3)) (>= net463)
      System.Runtime.Extensions (>= 4.3) - restriction: || (&& (< monoandroid) (< monotouch) (< net46) (>= netstandard1.6) (< xamarinios) (< xamarinmac) (< xamarintvos) (< xamarinwatchos)) (&& (< monoandroid) (< netstandard1.3))
      System.Runtime.Handles (>= 4.3) - restriction: || (&& (< monoandroid) (< monotouch) (< net46) (>= netstandard1.6) (< xamarinios) (< xamarinmac) (< xamarintvos) (< xamarinwatchos)) (&& (< monoandroid) (< netstandard1.3))
      System.Runtime.InteropServices (>= 4.3) - restriction: || (&& (< monoandroid) (< monotouch) (< net46) (>= netstandard1.6) (< xamarinios) (< xamarinmac) (< xamarintvos) (< xamarinwatchos)) (&& (< monoandroid) (< netstandard1.3))
      System.Runtime.Numerics (>= 4.3) - restriction: && (< monoandroid) (< monotouch) (< net46) (>= netstandard1.6) (< xamarinios) (< xamarinmac) (< xamarintvos) (< xamarinwatchos)
      System.Security.Cryptography.Encoding (>= 4.3) - restriction: || (&& (< monoandroid) (< monotouch) (< net46) (>= netstandard1.6) (< xamarinios) (< xamarinmac) (< xamarintvos) (< xamarinwatchos)) (&& (< monoandroid) (< netstandard1.3)) (>= net463)
      System.Security.Cryptography.Primitives (>= 4.3) - restriction: || (&& (< monoandroid) (< monotouch) (< net46) (>= netstandard1.6) (< xamarinios) (< xamarinmac) (< xamarintvos) (< xamarinwatchos)) (&& (< monoandroid) (< net46) (>= netstandard1.3) (< netstandard1.4)) (&& (< monoandroid) (< net46) (>= netstandard1.4) (< netstandard1.6)) (&& (< monoandroid) (< netstandard1.3)) (&& (>= net46) (< netstandard1.4)) (&& (>= net461) (< netstandard1.6)) (>= net463)
      System.Text.Encoding (>= 4.3) - restriction: || (&& (< monoandroid) (< monotouch) (< net46) (>= netstandard1.6) (< xamarinios) (< xamarinmac) (< xamarintvos) (< xamarinwatchos)) (&& (< monoandroid) (< netstandard1.3))
    System.Security.Cryptography.Cng (4.5) - restriction: || (&& (< monoandroid) (< monotouch) (< net45) (>= netstandard1.6) (< netstandard2.0) (< win8) (< wpa81) (< xamarintvos) (< xamarinwatchos)) (&& (< monoandroid) (< net45) (< netstandard1.3) (>= netstandard1.6) (< win8) (< wpa81)) (&& (< net45) (>= net46) (< netstandard1.3) (>= netstandard1.6)) (&& (< net45) (>= net46) (>= netstandard1.6) (< netstandard2.0)) (&& (>= netstandard1.6) (< portable-net45+win8+wp8+wpa81)) (&& (>= netstandard1.6) (< portable-net45+win8+wpa81))
      System.IO (>= 4.3) - restriction: || (&& (< monoandroid) (< monotouch) (< net46) (>= netstandard1.6) (< netstandard2.0) (< xamarintvos) (< xamarinwatchos)) (&& (< monoandroid) (< net46) (>= netstandard1.3) (< netstandard1.4)) (&& (< monoandroid) (< net46) (>= netstandard1.4) (< netstandard1.6) (< uap10.1))
      System.Resources.ResourceManager (>= 4.3) - restriction: || (&& (< monoandroid) (< monotouch) (< net46) (>= netstandard1.6) (< netstandard2.0) (< xamarintvos) (< xamarinwatchos)) (&& (< monoandroid) (< net46) (>= netstandard1.3) (< netstandard1.4)) (&& (< monoandroid) (< net46) (>= netstandard1.4) (< netstandard1.6) (< uap10.1))
      System.Runtime (>= 4.3) - restriction: || (&& (< monoandroid) (< monotouch) (< net46) (>= netstandard1.6) (< netstandard2.0) (< xamarintvos) (< xamarinwatchos)) (&& (< monoandroid) (< net46) (>= netstandard1.3) (< netstandard1.4)) (&& (< monoandroid) (< net46) (>= netstandard1.4) (< netstandard1.6) (< uap10.1))
      System.Runtime.Extensions (>= 4.3) - restriction: || (&& (< monoandroid) (< monotouch) (< net46) (>= netstandard1.6) (< netstandard2.0) (< xamarintvos) (< xamarinwatchos)) (&& (< monoandroid) (< net46) (>= netstandard1.4) (< netstandard1.6) (< uap10.1))
      System.Runtime.Handles (>= 4.3) - restriction: || (&& (< monoandroid) (< monotouch) (< net46) (>= netstandard1.6) (< netstandard2.0) (< xamarintvos) (< xamarinwatchos)) (&& (< monoandroid) (< net46) (>= netstandard1.3) (< netstandard1.4)) (&& (< monoandroid) (< net46) (>= netstandard1.4) (< netstandard1.6) (< uap10.1))
      System.Runtime.InteropServices (>= 4.3) - restriction: || (&& (< monoandroid) (< monotouch) (< net46) (>= netstandard1.6) (< netstandard2.0) (< xamarintvos) (< xamarinwatchos)) (&& (< monoandroid) (< net46) (>= netstandard1.3) (< netstandard1.4)) (&& (< monoandroid) (< net46) (>= netstandard1.4) (< netstandard1.6) (< uap10.1))
      System.Security.Cryptography.Algorithms (>= 4.3) - restriction: || (&& (< monoandroid) (< monotouch) (< net46) (>= netstandard1.6) (< netstandard2.0) (< xamarintvos) (< xamarinwatchos)) (&& (< monoandroid) (< net46) (>= netstandard1.3) (< netstandard1.4)) (&& (< monoandroid) (< net46) (>= netstandard1.4) (< netstandard1.6) (< uap10.1)) (&& (>= net46) (< netstandard1.4))
      System.Security.Cryptography.Encoding (>= 4.3) - restriction: || (&& (< monoandroid) (< monotouch) (< net46) (>= netstandard1.6) (< netstandard2.0) (< xamarintvos) (< xamarinwatchos)) (&& (< monoandroid) (< net46) (>= netstandard1.4) (< netstandard1.6) (< uap10.1))
      System.Security.Cryptography.Primitives (>= 4.3) - restriction: || (&& (< monoandroid) (< monotouch) (< net46) (>= netstandard1.6) (< netstandard2.0) (< xamarintvos) (< xamarinwatchos)) (&& (< monoandroid) (< net46) (>= netstandard1.3) (< netstandard1.4)) (&& (< monoandroid) (< net46) (>= netstandard1.4) (< netstandard1.6) (< uap10.1)) (&& (>= net46) (< netstandard1.4))
      System.Text.Encoding (>= 4.3) - restriction: || (&& (< monoandroid) (< monotouch) (< net46) (>= netstandard1.6) (< netstandard2.0) (< xamarintvos) (< xamarinwatchos)) (&& (< monoandroid) (< net46) (>= netstandard1.4) (< netstandard1.6) (< uap10.1))
    System.Security.Cryptography.Csp (4.3) - restriction: || (&& (< monoandroid) (< monotouch) (< net45) (>= netstandard1.6) (< netstandard2.0) (< win8) (< wpa81) (< xamarintvos) (< xamarinwatchos)) (&& (< net45) (>= net46) (>= netstandard1.6) (< netstandard2.0)) (&& (>= netstandard1.6) (< portable-net45+win8+wp8+wpa81)) (&& (>= netstandard1.6) (< portable-net45+win8+wpa81))
      Microsoft.NETCore.Platforms (>= 1.1) - restriction: && (< monoandroid) (< monotouch) (< net46) (>= netstandard1.3) (< xamarinios) (< xamarinmac) (< xamarintvos) (< xamarinwatchos)
      System.IO (>= 4.3) - restriction: && (< monoandroid) (< monotouch) (< net46) (>= netstandard1.3) (< xamarinios) (< xamarinmac) (< xamarintvos) (< xamarinwatchos)
      System.Reflection (>= 4.3) - restriction: && (< monoandroid) (< monotouch) (< net46) (>= netstandard1.3) (< xamarinios) (< xamarinmac) (< xamarintvos) (< xamarinwatchos)
      System.Resources.ResourceManager (>= 4.3) - restriction: && (< monoandroid) (< monotouch) (< net46) (>= netstandard1.3) (< xamarinios) (< xamarinmac) (< xamarintvos) (< xamarinwatchos)
      System.Runtime (>= 4.3) - restriction: && (< monoandroid) (< monotouch) (< net46) (>= netstandard1.3) (< xamarinios) (< xamarinmac) (< xamarintvos) (< xamarinwatchos)
      System.Runtime.Extensions (>= 4.3) - restriction: && (< monoandroid) (< monotouch) (< net46) (>= netstandard1.3) (< xamarinios) (< xamarinmac) (< xamarintvos) (< xamarinwatchos)
      System.Runtime.Handles (>= 4.3) - restriction: && (< monoandroid) (< monotouch) (< net46) (>= netstandard1.3) (< xamarinios) (< xamarinmac) (< xamarintvos) (< xamarinwatchos)
      System.Runtime.InteropServices (>= 4.3) - restriction: && (< monoandroid) (< monotouch) (< net46) (>= netstandard1.3) (< xamarinios) (< xamarinmac) (< xamarintvos) (< xamarinwatchos)
      System.Security.Cryptography.Algorithms (>= 4.3) - restriction: || (&& (< monoandroid) (< monotouch) (>= netstandard1.3) (< xamarinios) (< xamarinmac) (< xamarintvos) (< xamarinwatchos)) (>= net46)
      System.Security.Cryptography.Encoding (>= 4.3) - restriction: && (< monoandroid) (< monotouch) (< net46) (>= netstandard1.3) (< xamarinios) (< xamarinmac) (< xamarintvos) (< xamarinwatchos)
      System.Security.Cryptography.Primitives (>= 4.3) - restriction: || (&& (< monoandroid) (< monotouch) (>= netstandard1.3) (< xamarinios) (< xamarinmac) (< xamarintvos) (< xamarinwatchos)) (>= net46)
      System.Text.Encoding (>= 4.3) - restriction: && (< monoandroid) (< monotouch) (< net46) (>= netstandard1.3) (< xamarinios) (< xamarinmac) (< xamarintvos) (< xamarinwatchos)
      System.Threading (>= 4.3) - restriction: && (< monoandroid) (< monotouch) (< net46) (>= netstandard1.3) (< xamarinios) (< xamarinmac) (< xamarintvos) (< xamarinwatchos)
    System.Security.Cryptography.Encoding (4.3) - restriction: || (&& (< monoandroid) (< monotouch) (< net45) (>= netstandard1.6) (< netstandard2.0) (< win8) (< wpa81) (< xamarintvos) (< xamarinwatchos)) (&& (>= netstandard1.6) (< portable-net45+win8+wp8+wpa81))
      Microsoft.NETCore.Platforms (>= 1.1) - restriction: && (< monoandroid) (< monotouch) (< net46) (>= netstandard1.3) (< xamarinios) (< xamarinmac) (< xamarintvos) (< xamarinwatchos)
      runtime.native.System.Security.Cryptography.OpenSsl (>= 4.3) - restriction: && (< monoandroid) (< monotouch) (< net46) (>= netstandard1.3) (< xamarinios) (< xamarinmac) (< xamarintvos) (< xamarinwatchos)
      System.Collections (>= 4.3) - restriction: && (< monoandroid) (< monotouch) (< net46) (>= netstandard1.3) (< xamarinios) (< xamarinmac) (< xamarintvos) (< xamarinwatchos)
      System.Collections.Concurrent (>= 4.3) - restriction: && (< monoandroid) (< monotouch) (< net46) (>= netstandard1.3) (< xamarinios) (< xamarinmac) (< xamarintvos) (< xamarinwatchos)
      System.Linq (>= 4.3) - restriction: && (< monoandroid) (< monotouch) (< net46) (>= netstandard1.3) (< xamarinios) (< xamarinmac) (< xamarintvos) (< xamarinwatchos)
      System.Resources.ResourceManager (>= 4.3) - restriction: && (< monoandroid) (< monotouch) (< net46) (>= netstandard1.3) (< xamarinios) (< xamarinmac) (< xamarintvos) (< xamarinwatchos)
      System.Runtime (>= 4.3) - restriction: && (< monoandroid) (< monotouch) (< net46) (>= netstandard1.3) (< xamarinios) (< xamarinmac) (< xamarintvos) (< xamarinwatchos)
      System.Runtime.Extensions (>= 4.3) - restriction: && (< monoandroid) (< monotouch) (< net46) (>= netstandard1.3) (< xamarinios) (< xamarinmac) (< xamarintvos) (< xamarinwatchos)
      System.Runtime.Handles (>= 4.3) - restriction: && (< monoandroid) (< monotouch) (< net46) (>= netstandard1.3) (< xamarinios) (< xamarinmac) (< xamarintvos) (< xamarinwatchos)
      System.Runtime.InteropServices (>= 4.3) - restriction: && (< monoandroid) (< monotouch) (< net46) (>= netstandard1.3) (< xamarinios) (< xamarinmac) (< xamarintvos) (< xamarinwatchos)
      System.Security.Cryptography.Primitives (>= 4.3) - restriction: && (< monoandroid) (< monotouch) (< net46) (>= netstandard1.3) (< xamarinios) (< xamarinmac) (< xamarintvos) (< xamarinwatchos)
      System.Text.Encoding (>= 4.3) - restriction: && (< monoandroid) (< monotouch) (< net46) (>= netstandard1.3) (< xamarinios) (< xamarinmac) (< xamarintvos) (< xamarinwatchos)
    System.Security.Cryptography.OpenSsl (4.5.1) - restriction: || (&& (< monoandroid) (< monotouch) (< net45) (>= netstandard1.6) (< netstandard2.0) (< win8) (< wpa81) (< xamarintvos) (< xamarinwatchos)) (&& (>= netstandard1.6) (< portable-net45+win8+wp8+wpa81))
      System.Collections (>= 4.3) - restriction: && (>= netstandard1.6) (< netstandard2.0)
      System.IO (>= 4.3) - restriction: && (>= netstandard1.6) (< netstandard2.0)
      System.Resources.ResourceManager (>= 4.3) - restriction: && (>= netstandard1.6) (< netstandard2.0)
      System.Runtime (>= 4.3) - restriction: && (>= netstandard1.6) (< netstandard2.0)
      System.Runtime.Extensions (>= 4.3) - restriction: && (>= netstandard1.6) (< netstandard2.0)
      System.Runtime.Handles (>= 4.3) - restriction: && (>= netstandard1.6) (< netstandard2.0)
      System.Runtime.InteropServices (>= 4.3) - restriction: && (>= netstandard1.6) (< netstandard2.0)
      System.Runtime.Numerics (>= 4.3) - restriction: && (>= netstandard1.6) (< netstandard2.0)
      System.Security.Cryptography.Algorithms (>= 4.3) - restriction: && (>= netstandard1.6) (< netstandard2.0)
      System.Security.Cryptography.Encoding (>= 4.3) - restriction: && (>= netstandard1.6) (< netstandard2.0)
      System.Security.Cryptography.Primitives (>= 4.3) - restriction: && (>= netstandard1.6) (< netstandard2.0)
      System.Text.Encoding (>= 4.3) - restriction: && (>= netstandard1.6) (< netstandard2.0)
    System.Security.Cryptography.Primitives (4.3) - restriction: || (&& (< monoandroid) (< monotouch) (< net45) (>= netstandard1.6) (< netstandard2.0) (< win8) (< wpa81) (< xamarintvos) (< xamarinwatchos)) (&& (>= netstandard1.6) (< portable-net45+win8+wp8+wpa81))
      System.Diagnostics.Debug (>= 4.3) - restriction: && (< monoandroid) (< monotouch) (< net46) (>= netstandard1.3) (< xamarinios) (< xamarinmac) (< xamarintvos) (< xamarinwatchos)
      System.Globalization (>= 4.3) - restriction: && (< monoandroid) (< monotouch) (< net46) (>= netstandard1.3) (< xamarinios) (< xamarinmac) (< xamarintvos) (< xamarinwatchos)
      System.IO (>= 4.3) - restriction: && (< monoandroid) (< monotouch) (< net46) (>= netstandard1.3) (< xamarinios) (< xamarinmac) (< xamarintvos) (< xamarinwatchos)
      System.Resources.ResourceManager (>= 4.3) - restriction: && (< monoandroid) (< monotouch) (< net46) (>= netstandard1.3) (< xamarinios) (< xamarinmac) (< xamarintvos) (< xamarinwatchos)
      System.Runtime (>= 4.3) - restriction: && (< monoandroid) (< monotouch) (< net46) (>= netstandard1.3) (< xamarinios) (< xamarinmac) (< xamarintvos) (< xamarinwatchos)
      System.Threading (>= 4.3) - restriction: && (< monoandroid) (< monotouch) (< net46) (>= netstandard1.3) (< xamarinios) (< xamarinmac) (< xamarintvos) (< xamarinwatchos)
      System.Threading.Tasks (>= 4.3) - restriction: && (< monoandroid) (< monotouch) (< net46) (>= netstandard1.3) (< xamarinios) (< xamarinmac) (< xamarintvos) (< xamarinwatchos)
    System.Security.Cryptography.ProtectedData (4.5) - restriction: && (< net45) (>= netstandard2.0) (< xamarinios)
      System.Memory (>= 4.5) - restriction: && (< net46) (< netcoreapp2.1) (>= netstandard2.0) (< xamarinios)
    System.Security.Cryptography.X509Certificates (4.3.2) - restriction: || (&& (< monoandroid) (< monotouch) (< net45) (>= netstandard1.6) (< netstandard2.0) (< win8) (< wpa81) (< xamarintvos) (< xamarinwatchos)) (&& (< net45) (>= net46) (>= netstandard1.6) (< netstandard2.0)) (&& (>= netstandard1.6) (< portable-net45+win8+wp8+wpa81)) (&& (>= netstandard1.6) (< portable-net45+win8+wpa81))
      Microsoft.NETCore.Platforms (>= 1.1) - restriction: || (&& (< monoandroid) (< monotouch) (< net46) (>= netstandard1.6) (< xamarinios) (< xamarinmac) (< xamarintvos) (< xamarinwatchos)) (&& (< monoandroid) (< netstandard1.3))
      runtime.native.System (>= 4.3) - restriction: && (< monoandroid) (< monotouch) (< net46) (>= netstandard1.6) (< xamarinios) (< xamarinmac) (< xamarintvos) (< xamarinwatchos)
      runtime.native.System.Net.Http (>= 4.3) - restriction: && (< monoandroid) (< monotouch) (< net46) (>= netstandard1.6) (< xamarinios) (< xamarinmac) (< xamarintvos) (< xamarinwatchos)
      runtime.native.System.Security.Cryptography.OpenSsl (>= 4.3.2) - restriction: && (< monoandroid) (< monotouch) (< net46) (>= netstandard1.6) (< xamarinios) (< xamarinmac) (< xamarintvos) (< xamarinwatchos)
      System.Collections (>= 4.3) - restriction: || (&& (< monoandroid) (< monotouch) (< net46) (>= netstandard1.6) (< xamarinios) (< xamarinmac) (< xamarintvos) (< xamarinwatchos)) (&& (< monoandroid) (< netstandard1.3))
      System.Diagnostics.Debug (>= 4.3) - restriction: && (< monoandroid) (< monotouch) (< net46) (>= netstandard1.6) (< xamarinios) (< xamarinmac) (< xamarintvos) (< xamarinwatchos)
      System.Globalization (>= 4.3) - restriction: || (&& (< monoandroid) (< monotouch) (< net46) (>= netstandard1.6) (< xamarinios) (< xamarinmac) (< xamarintvos) (< xamarinwatchos)) (&& (< monoandroid) (< netstandard1.3))
      System.Globalization.Calendars (>= 4.3) - restriction: || (&& (< monoandroid) (< monotouch) (< net46) (>= netstandard1.6) (< xamarinios) (< xamarinmac) (< xamarintvos) (< xamarinwatchos)) (&& (< monoandroid) (< netstandard1.3))
      System.IO (>= 4.3) - restriction: || (&& (< monoandroid) (< monotouch) (< net46) (>= netstandard1.6) (< xamarinios) (< xamarinmac) (< xamarintvos) (< xamarinwatchos)) (&& (< monoandroid) (< netstandard1.3))
      System.IO.FileSystem (>= 4.3) - restriction: || (&& (< monoandroid) (< monotouch) (< net46) (>= netstandard1.6) (< xamarinios) (< xamarinmac) (< xamarintvos) (< xamarinwatchos)) (&& (< monoandroid) (< netstandard1.3))
      System.IO.FileSystem.Primitives (>= 4.3) - restriction: && (< monoandroid) (< monotouch) (< net46) (>= netstandard1.6) (< xamarinios) (< xamarinmac) (< xamarintvos) (< xamarinwatchos)
      System.Resources.ResourceManager (>= 4.3) - restriction: || (&& (< monoandroid) (< monotouch) (< net46) (>= netstandard1.6) (< xamarinios) (< xamarinmac) (< xamarintvos) (< xamarinwatchos)) (&& (< monoandroid) (< netstandard1.3))
      System.Runtime (>= 4.3) - restriction: || (&& (< monoandroid) (< monotouch) (< net46) (>= netstandard1.6) (< xamarinios) (< xamarinmac) (< xamarintvos) (< xamarinwatchos)) (&& (< monoandroid) (< net46) (>= netstandard1.3) (< netstandard1.4)) (&& (< monoandroid) (< net46) (>= netstandard1.4) (< netstandard1.6)) (&& (< monoandroid) (< netstandard1.3))
      System.Runtime.Extensions (>= 4.3) - restriction: || (&& (< monoandroid) (< monotouch) (< net46) (>= netstandard1.6) (< xamarinios) (< xamarinmac) (< xamarintvos) (< xamarinwatchos)) (&& (< monoandroid) (< netstandard1.3))
      System.Runtime.Handles (>= 4.3) - restriction: || (&& (< monoandroid) (< monotouch) (< net46) (>= netstandard1.6) (< xamarinios) (< xamarinmac) (< xamarintvos) (< xamarinwatchos)) (&& (< monoandroid) (< net46) (>= netstandard1.3) (< netstandard1.4)) (&& (< monoandroid) (< net46) (>= netstandard1.4) (< netstandard1.6)) (&& (< monoandroid) (< netstandard1.3))
      System.Runtime.InteropServices (>= 4.3) - restriction: || (&& (< monoandroid) (< monotouch) (< net46) (>= netstandard1.6) (< xamarinios) (< xamarinmac) (< xamarintvos) (< xamarinwatchos)) (&& (< monoandroid) (< netstandard1.3))
      System.Runtime.Numerics (>= 4.3) - restriction: || (&& (< monoandroid) (< monotouch) (< net46) (>= netstandard1.6) (< xamarinios) (< xamarinmac) (< xamarintvos) (< xamarinwatchos)) (&& (< monoandroid) (< netstandard1.3))
      System.Security.Cryptography.Algorithms (>= 4.3) - restriction: || (&& (< monoandroid) (< monotouch) (< net46) (>= netstandard1.6) (< xamarinios) (< xamarinmac) (< xamarintvos) (< xamarinwatchos)) (&& (< monoandroid) (< net46) (>= netstandard1.3) (< netstandard1.4)) (&& (< monoandroid) (< net46) (>= netstandard1.4) (< netstandard1.6)) (&& (< monoandroid) (< netstandard1.3)) (&& (>= net46) (< netstandard1.4)) (>= net461)
      System.Security.Cryptography.Cng (>= 4.3) - restriction: || (&& (< monoandroid) (< monotouch) (< net46) (>= netstandard1.6) (< xamarinios) (< xamarinmac) (< xamarintvos) (< xamarinwatchos)) (&& (< monoandroid) (< netstandard1.3))
      System.Security.Cryptography.Csp (>= 4.3) - restriction: && (< monoandroid) (< monotouch) (< net46) (>= netstandard1.6) (< xamarinios) (< xamarinmac) (< xamarintvos) (< xamarinwatchos)
      System.Security.Cryptography.Encoding (>= 4.3) - restriction: || (&& (< monoandroid) (< monotouch) (< net46) (>= netstandard1.6) (< xamarinios) (< xamarinmac) (< xamarintvos) (< xamarinwatchos)) (&& (< monoandroid) (< net46) (>= netstandard1.3) (< netstandard1.4)) (&& (< monoandroid) (< net46) (>= netstandard1.4) (< netstandard1.6)) (&& (< monoandroid) (< netstandard1.3)) (&& (>= net46) (< netstandard1.4)) (>= net461)
      System.Security.Cryptography.OpenSsl (>= 4.3) - restriction: && (< monoandroid) (< monotouch) (< net46) (>= netstandard1.6) (< xamarinios) (< xamarinmac) (< xamarintvos) (< xamarinwatchos)
      System.Security.Cryptography.Primitives (>= 4.3) - restriction: || (&& (< monoandroid) (< monotouch) (< net46) (>= netstandard1.6) (< xamarinios) (< xamarinmac) (< xamarintvos) (< xamarinwatchos)) (&& (< monoandroid) (< netstandard1.3))
      System.Text.Encoding (>= 4.3) - restriction: || (&& (< monoandroid) (< monotouch) (< net46) (>= netstandard1.6) (< xamarinios) (< xamarinmac) (< xamarintvos) (< xamarinwatchos)) (&& (< monoandroid) (< netstandard1.3))
      System.Threading (>= 4.3) - restriction: || (&& (< monoandroid) (< monotouch) (< net46) (>= netstandard1.6) (< xamarinios) (< xamarinmac) (< xamarintvos) (< xamarinwatchos)) (&& (< monoandroid) (< netstandard1.3))
    System.Security.Permissions (4.5) - restriction: || (&& (>= monoandroid) (>= netstandard2.0)) (&& (>= monotouch) (>= netstandard2.0)) (&& (< net45) (>= netstandard2.0)) (&& (>= netstandard2.0) (>= xamarintvos)) (&& (>= netstandard2.0) (>= xamarinwatchos))
      System.Security.AccessControl (>= 4.5) - restriction: || (>= net461) (>= netstandard2.0)
    System.Security.Principal.Windows (4.5.1) - restriction: || (&& (>= monoandroid) (>= netstandard2.0)) (&& (>= monotouch) (>= netstandard2.0)) (&& (< net45) (>= netstandard2.0)) (>= netcoreapp2.0) (&& (>= netstandard2.0) (>= xamarintvos)) (&& (>= netstandard2.0) (>= xamarinwatchos))
      Microsoft.NETCore.Platforms (>= 2.0) - restriction: >= netcoreapp2.0
    System.Text.Encoding (4.3) - restriction: || (&& (< monoandroid) (< monotouch) (< net45) (>= netstandard1.6) (< netstandard2.0) (< win8) (< wpa81) (< xamarintvos) (< xamarinwatchos)) (&& (< monoandroid) (< net45) (< netstandard1.3) (>= netstandard1.6) (< win8) (< wpa81)) (&& (< monoandroid) (< net45) (< netstandard1.5) (>= netstandard1.6) (< win8) (< wpa81)) (&& (>= netstandard1.6) (< portable-net45+win8+wp8+wpa81))
      Microsoft.NETCore.Platforms (>= 1.1) - restriction: || (&& (< monoandroid) (< monotouch) (< net45) (>= netstandard1.3) (< win8) (< wpa81) (< xamarinios) (< xamarinmac) (< xamarintvos) (< xamarinwatchos)) (&& (< monoandroid) (< net45) (>= netstandard1.0) (< netstandard1.3) (< win8) (< wp8) (< wpa81)) (< portable-net45+win8+wp8+wpa81)
      Microsoft.NETCore.Targets (>= 1.1) - restriction: || (&& (< monoandroid) (< monotouch) (< net45) (>= netstandard1.3) (< win8) (< wpa81) (< xamarinios) (< xamarinmac) (< xamarintvos) (< xamarinwatchos)) (&& (< monoandroid) (< net45) (>= netstandard1.0) (< netstandard1.3) (< win8) (< wp8) (< wpa81)) (< portable-net45+win8+wp8+wpa81)
      System.Runtime (>= 4.3) - restriction: || (&& (< monoandroid) (< monotouch) (< net45) (>= netstandard1.3) (< win8) (< wpa81) (< xamarinios) (< xamarinmac) (< xamarintvos) (< xamarinwatchos)) (&& (< monoandroid) (< net45) (>= netstandard1.0) (< netstandard1.3) (< win8) (< wp8) (< wpa81)) (< portable-net45+win8+wp8+wpa81)
    System.Text.RegularExpressions (4.3) - restriction: && (< net45) (>= netstandard1.6) (< netstandard2.0)
      System.Collections (>= 4.3) - restriction: || (&& (< monoandroid) (< monotouch) (< net45) (< netcoreapp1.1) (>= netstandard1.6) (< xamarinios) (< xamarinmac) (< xamarintvos) (< xamarinwatchos)) (< portable-net45+win8+wp8+wpa81)
      System.Globalization (>= 4.3) - restriction: || (&& (< monoandroid) (< monotouch) (< net45) (< netcoreapp1.1) (>= netstandard1.6) (< xamarinios) (< xamarinmac) (< xamarintvos) (< xamarinwatchos)) (< portable-net45+win8+wp8+wpa81)
      System.Resources.ResourceManager (>= 4.3) - restriction: || (&& (< monoandroid) (< monotouch) (< net45) (< netcoreapp1.1) (>= netstandard1.6) (< xamarinios) (< xamarinmac) (< xamarintvos) (< xamarinwatchos)) (< portable-net45+win8+wp8+wpa81)
      System.Runtime (>= 4.3) - restriction: || (&& (< monoandroid) (< monotouch) (< net45) (>= netstandard1.6) (< xamarinios) (< xamarinmac) (< xamarintvos) (< xamarinwatchos)) (&& (< monoandroid) (< net45) (>= netstandard1.0) (< netstandard1.3) (< win8) (< wp8) (< wpa81)) (&& (< monoandroid) (< net45) (>= netstandard1.3) (< netstandard1.6) (< win8) (< wpa81)) (>= netcoreapp1.1) (< portable-net45+win8+wp8+wpa81)
      System.Runtime.Extensions (>= 4.3) - restriction: || (&& (< monoandroid) (< monotouch) (< net45) (< netcoreapp1.1) (>= netstandard1.6) (< xamarinios) (< xamarinmac) (< xamarintvos) (< xamarinwatchos)) (< portable-net45+win8+wp8+wpa81)
      System.Threading (>= 4.3) - restriction: || (&& (< monoandroid) (< monotouch) (< net45) (< netcoreapp1.1) (>= netstandard1.6) (< xamarinios) (< xamarinmac) (< xamarintvos) (< xamarinwatchos)) (< portable-net45+win8+wp8+wpa81)
    System.Threading (4.3) - restriction: || (&& (< net45) (>= netstandard1.6) (< netstandard2.0)) (&& (>= netstandard1.6) (< portable-net45+win8+wp8+wpa81))
      System.Runtime (>= 4.3) - restriction: || (&& (< monoandroid) (< monotouch) (< net45) (>= netstandard1.3) (< win8) (< wpa81) (< xamarinios) (< xamarinmac) (< xamarintvos) (< xamarinwatchos)) (&& (< monoandroid) (< net45) (>= netstandard1.0) (< netstandard1.3) (< win8) (< wp8) (< wpa81)) (< portable-net45+win8+wp8+wpa81)
      System.Threading.Tasks (>= 4.3) - restriction: || (&& (< monoandroid) (< monotouch) (< net45) (>= netstandard1.3) (< win8) (< wpa81) (< xamarinios) (< xamarinmac) (< xamarintvos) (< xamarinwatchos)) (&& (< monoandroid) (< net45) (>= netstandard1.0) (< netstandard1.3) (< win8) (< wp8) (< wpa81)) (< portable-net45+win8+wp8+wpa81)
    System.Threading.Tasks (4.3) - restriction: || (&& (< monoandroid) (< net45) (< netstandard1.3) (>= netstandard1.6) (< win8) (< wpa81)) (&& (< monoandroid) (< net45) (< netstandard1.5) (>= netstandard1.6) (< win8) (< wpa81)) (&& (< net45) (>= netstandard1.6) (< netstandard2.0)) (&& (>= netstandard1.6) (< portable-net45+win8+wp8+wpa81))
      Microsoft.NETCore.Platforms (>= 1.1) - restriction: || (&& (< monoandroid) (< monotouch) (< net45) (>= netstandard1.3) (< win8) (< wpa81) (< xamarinios) (< xamarinmac) (< xamarintvos) (< xamarinwatchos)) (&& (< monoandroid) (< net45) (>= netstandard1.0) (< netstandard1.3) (< win8) (< wp8) (< wpa81)) (< portable-net45+win8+wp8+wpa81)
      Microsoft.NETCore.Targets (>= 1.1) - restriction: || (&& (< monoandroid) (< monotouch) (< net45) (>= netstandard1.3) (< win8) (< wpa81) (< xamarinios) (< xamarinmac) (< xamarintvos) (< xamarinwatchos)) (&& (< monoandroid) (< net45) (>= netstandard1.0) (< netstandard1.3) (< win8) (< wp8) (< wpa81)) (< portable-net45+win8+wp8+wpa81)
      System.Runtime (>= 4.3) - restriction: || (&& (< monoandroid) (< monotouch) (< net45) (>= netstandard1.3) (< win8) (< wpa81) (< xamarinios) (< xamarinmac) (< xamarintvos) (< xamarinwatchos)) (&& (< monoandroid) (< net45) (>= netstandard1.0) (< netstandard1.3) (< win8) (< wp8) (< wpa81)) (< portable-net45+win8+wp8+wpa81)
    System.Threading.Tasks.Parallel (4.3) - restriction: && (< net45) (>= netstandard1.6) (< netstandard2.0)
      System.Collections.Concurrent (>= 4.3) - restriction: || (&& (< monoandroid) (< monotouch) (< net45) (>= netstandard1.3) (< win8) (< wpa81) (< xamarinios) (< xamarinmac) (< xamarintvos) (< xamarinwatchos)) (&& (< monoandroid) (< net45) (>= netstandard1.1) (< netstandard1.3) (< win8) (< wpa81)) (< portable-net45+win8+wpa81)
      System.Diagnostics.Debug (>= 4.3) - restriction: || (&& (< monoandroid) (< monotouch) (< net45) (>= netstandard1.3) (< win8) (< wpa81) (< xamarinios) (< xamarinmac) (< xamarintvos) (< xamarinwatchos)) (< portable-net45+win8+wpa81)
      System.Diagnostics.Tracing (>= 4.3) - restriction: || (&& (< monoandroid) (< monotouch) (< net45) (>= netstandard1.3) (< win8) (< wpa81) (< xamarinios) (< xamarinmac) (< xamarintvos) (< xamarinwatchos)) (< portable-net45+win8+wpa81)
      System.Resources.ResourceManager (>= 4.3) - restriction: || (&& (< monoandroid) (< monotouch) (< net45) (>= netstandard1.3) (< win8) (< wpa81) (< xamarinios) (< xamarinmac) (< xamarintvos) (< xamarinwatchos)) (< portable-net45+win8+wpa81)
      System.Runtime (>= 4.3) - restriction: || (&& (< monoandroid) (< monotouch) (< net45) (>= netstandard1.3) (< win8) (< wpa81) (< xamarinios) (< xamarinmac) (< xamarintvos) (< xamarinwatchos)) (&& (< monoandroid) (< net45) (>= netstandard1.1) (< netstandard1.3) (< win8) (< wpa81)) (< portable-net45+win8+wpa81)
      System.Runtime.Extensions (>= 4.3) - restriction: || (&& (< monoandroid) (< monotouch) (< net45) (>= netstandard1.3) (< win8) (< wpa81) (< xamarinios) (< xamarinmac) (< xamarintvos) (< xamarinwatchos)) (< portable-net45+win8+wpa81)
      System.Threading (>= 4.3) - restriction: || (&& (< monoandroid) (< monotouch) (< net45) (>= netstandard1.3) (< win8) (< wpa81) (< xamarinios) (< xamarinmac) (< xamarintvos) (< xamarinwatchos)) (< portable-net45+win8+wpa81)
      System.Threading.Tasks (>= 4.3) - restriction: || (&& (< monoandroid) (< monotouch) (< net45) (>= netstandard1.3) (< win8) (< wpa81) (< xamarinios) (< xamarinmac) (< xamarintvos) (< xamarinwatchos)) (&& (< monoandroid) (< net45) (>= netstandard1.1) (< netstandard1.3) (< win8) (< wpa81)) (< portable-net45+win8+wpa81)
    System.Threading.Thread (4.3) - restriction: && (< net45) (>= netstandard1.6) (< netstandard2.0)
      System.Runtime (>= 4.3) - restriction: && (< monoandroid) (< monotouch) (< net46) (>= netstandard1.3) (< xamarinios) (< xamarinmac) (< xamarintvos) (< xamarinwatchos)
    System.Threading.ThreadPool (4.3) - restriction: && (< net45) (>= netstandard1.6) (< netstandard2.0)
      System.Runtime (>= 4.3) - restriction: && (< monoandroid) (< monotouch) (< net46) (>= netstandard1.3) (< xamarinios) (< xamarinmac) (< xamarintvos) (< xamarinwatchos)
      System.Runtime.Handles (>= 4.3) - restriction: && (< monoandroid) (< monotouch) (< net46) (>= netstandard1.3) (< xamarinios) (< xamarinmac) (< xamarintvos) (< xamarinwatchos)
    System.Threading.Timer (4.3) - restriction: && (< net45) (>= netstandard1.6) (< netstandard2.0)
      Microsoft.NETCore.Platforms (>= 1.1) - restriction: || (&& (< monoandroid) (< monotouch) (< net451) (>= netstandard1.2) (< win81) (< wpa81) (< xamarinios) (< xamarinmac) (< xamarintvos) (< xamarinwatchos)) (< portable-net451+win81+wpa81)
      Microsoft.NETCore.Targets (>= 1.1) - restriction: || (&& (< monoandroid) (< monotouch) (< net451) (>= netstandard1.2) (< win81) (< wpa81) (< xamarinios) (< xamarinmac) (< xamarintvos) (< xamarinwatchos)) (< portable-net451+win81+wpa81)
      System.Runtime (>= 4.3) - restriction: || (&& (< monoandroid) (< monotouch) (< net451) (>= netstandard1.2) (< win81) (< wpa81) (< xamarinios) (< xamarinmac) (< xamarintvos) (< xamarinwatchos)) (< portable-net451+win81+wpa81)
    Unquote (4.0)
      FSharp.Core (>= 4.2.3) - restriction: >= netstandard2.0

GROUP Build
NUGET
  remote: https://api.nuget.org/v3/index.json
    FAKE (5.8.4)
